{
  "bids_meta": {
    "AcquisitionMatrixPE": 300,
    "AcquisitionNumber": 1,
    "AcquisitionTime": "09:51:28.695000",
    "BaseResolution": 320,
    "BodyPartExamined": "BRAIN",
    "CoilString": "HC1-7;NC1_2",
    "ConsistencyInfo": "N4_VE11C_LATEST_20160120",
    "ConversionSoftware": "dcm2niix",
    "ConversionSoftwareVersion": "v1.0.20190902",
    "DeviceSerialNumber": "166018",
    "DwellTime": 7.4e-06,
    "EchoTime": 0.00224,
    "FlipAngle": 8,
    "ImageOrientationPatientDICOM": [
      -0.0695681,
      0.996763,
      -0.0402867,
      -0.0282561,
      -0.0423372,
      -0.998704
    ],
    "ImageType": [
      "ORIGINAL",
      "PRIMARY",
      "M",
      "ND",
      "NORM"
    ],
    "ImagingFrequency": 123.191,
    "InPlanePhaseEncodingDirectionDICOM": "ROW",
    "InstitutionAddress": "Washington_Place_6_NYC_NYC_US_10003",
    "InstitutionName": "NYU_-_CBI",
    "InstitutionalDepartmentName": "Department",
    "InversionTime": 1.06,
    "MRAcquisitionType": "3D",
    "MagneticFieldStrength": 3,
    "Manufacturer": "Siemens",
    "ManufacturersModelName": "Prisma",
    "Modality": "MR",
    "ParallelReductionFactorInPlane": 2,
    "PartialFourier": 1,
    "PatientPosition": "HFS",
    "PercentPhaseFOV": 93.75,
    "PhaseEncodingSteps": 299,
    "PhaseResolution": 1,
    "PixelBandwidth": 210,
    "ProcedureStepDescription": "Investigators_Winawer",
    "ProtocolName": "T1_MPRAGE",
    "PulseSequenceDetails": "%SiemensSeq%_tfl",
    "ReceiveCoilActiveElements": "HC1-7;NC1,2",
    "ReceiveCoilName": "HeadNeck_64",
    "ReconMatrixPE": 300,
    "RefLinesPE": 32,
    "RepetitionTime": 2.4,
    "SAR": 0.0484024,
    "ScanOptions": "IR",
    "ScanningSequence": "GR_IR",
    "SequenceName": "_tfl3d1_16ns",
    "SequenceVariant": "SK_SP_MP",
    "SeriesDescription": "T1_MPRAGE",
    "SeriesNumber": 19,
    "ShimSetting": [
      234,
      -12642,
      -8541,
      20,
      -56,
      -472,
      -8,
      35
    ],
    "SliceThickness": 0.8,
    "SoftwareVersions": "syngo_MR_E11",
    "StationName": "AWP166018",
    "TxRefAmp": 227.081,
    "acq_id": "highres",
    "dataset": "unknown",
    "dcmmeta_affine": [
      [
        0.7977415919303894,
        -0.05565452203154564,
        -0.022604893893003464,
        -62.81910705566406
      ],
      [
        0.05467170476913452,
        0.7974107265472412,
        -0.03386976569890976,
        -104.86891174316406
      ],
      [
        0.024887988343834877,
        0.032229337841272354,
        0.7989630103111267,
        -155.41493225097656
      ],
      [
        0.0,
        0.0,
        0.0,
        1.0
      ]
    ],
    "dcmmeta_reorient_transform": [
      [
        0.0,
        0.0,
        -1.0,
        319.0
      ],
      [
        0.0,
        -1.0,
        0.0,
        299.0
      ],
      [
        -1.0,
        0.0,
        0.0,
        191.0
      ],
      [
        0.0,
        0.0,
        0.0,
        1.0
      ]
    ],
    "dcmmeta_shape": [
      192,
      300,
      320
    ],
    "dcmmeta_slice_dim": 0,
    "dcmmeta_version": 0.6,
    "global": {
      "const": {
        "AccessionNumber": "jur4wd1m",
        "AcquisitionMatrix": [
          0,
          320,
          300,
          0
        ],
        "AcquisitionNumber": 1,
        "AcquisitionTime": "095128.695000",
        "AngioFlag": "N",
        "BitsAllocated": 16,
        "BitsStored": 12,
        "BodyPartExamined": "BRAIN",
        "Columns": 300,
        "EchoNumbers": 1,
        "EchoTime": 2.24,
        "EchoTrainLength": 1,
        "FlipAngle": 8.0,
        "HighBit": 11,
        "ImageOrientationPatient": [
          -0.0695681508069,
          0.99676339041931,
          -0.0402866716558,
          -0.0282561171243,
          -0.0423372043257,
          -0.9987037363377
        ],
        "ImageType": [
          "ORIGINAL",
          "PRIMARY",
          "M",
          "ND",
          "NORM"
        ],
        "ImagedNucleus": "1H",
        "ImagingFrequency": 123.191088,
        "InPlanePhaseEncodingDirection": "ROW",
        "InversionTime": 1060.0,
        "MRAcquisitionType": "3D",
        "MagneticFieldStrength": 3.0,
        "Manufacturer": "SIEMENS",
        "ManufacturerModelName": "Prisma",
        "Modality": "MR",
        "NumberOfAverages": 1.0,
        "NumberOfPhaseEncodingSteps": 299,
        "PercentPhaseFieldOfView": 93.75,
        "PercentSampling": 100.0,
        "PerformedProcedureStepStartTime": "090429.769000",
        "PhotometricInterpretation": "MONOCHROME2",
        "PixelBandwidth": 210.0,
        "PixelRepresentation": 0,
        "PixelSpacing": [
          0.80000001192093,
          0.80000001192093
        ],
        "ProtocolName": "T1_MPRAGE",
        "RepetitionTime": 2400.0,
        "Rows": 320,
        "SAR": 0.04840237769773,
        "SamplesPerPixel": 1,
        "ScanOptions": "IR",
        "ScanningSequence": [
          "GR",
          "IR"
        ],
        "SequenceName": "*tfl3d1_16ns",
        "SequenceVariant": [
          "SK",
          "SP",
          "MP"
        ],
        "SeriesDescription": "T1_MPRAGE",
        "SeriesNumber": 19,
        "SeriesTime": "095813.897000",
        "SliceThickness": 0.80000001192093,
        "SmallestImagePixelValue": 0,
        "SoftwareVersions": "syngo MR E11",
        "SpecificCharacterSet": "ISO_IR 100",
        "StudyID": "1",
        "StudyTime": "090429.665000",
        "TransmitCoilName": "Body",
        "VariableFlipAngleFlag": "N",
        "WindowCenterWidthExplanation": "Algo1",
        "dBdt": 0.0
      },
