{
  "AcquisitionMatrixPE": 104,
  "AcquisitionNumber": 1,
  "AcquisitionTime": "09:30:29.490000",
  "BandwidthPerPixelPhaseEncode": 16.578,
  "BaseResolution": 104,
  "BodyPartExamined": "BRAIN",
  "ConsistencyInfo": "N4_VE11C_LATEST_20160120",
  "ConversionSoftware": "dcm2niix",
  "ConversionSoftwareVersion": "v1.0.20190902",
  "DerivedVendorReportedEchoSpacing": 0.000580009,
  "DeviceSerialNumber": "166018",
  "DwellTime": 2.1e-06,
  "EchoTime": 0.037,
  "EchoTrainLength": 104,
  "EffectiveEchoSpacing": 0.000580009,
  "FlipAngle": 68,
  "ImageComments": "Single-band_reference",
  "ImageOrientationPatientDICOM": [0.996205, 0.0856026, 0.0157656, -0.0740308, 0.928536, -0.363786],
  "ImageType": [
    "ORIGINAL",
    "PRIMARY",
    "M",
    "ND",
    "MOSAIC"
],
  "ImagingFrequency": 123.191,
  "InPlanePhaseEncodingDirectionDICOM": "COL",
  "InstitutionAddress": "Washington_Place_6_NYC_NYC_US_10003",
  "InstitutionName": "NYU_-_CBI",
  "InstitutionalDepartmentName": "Department",
  "MRAcquisitionType": "2D",
  "MagneticFieldStrength": 3,
  "Manufacturer": "Siemens",
  "ManufacturersModelName": "Prisma",
  "Modality": "MR",
  "PartialFourier": 1,
  "PatientPosition": "HFS",
  "PercentPhaseFOV": 100,
  "PhaseEncodingDirection": "j",
  "PhaseEncodingSteps": 104,
  "PhaseResolution": 1,
  "PixelBandwidth": 2290,
  "ProcedureStepDescription": "Investigators_Winawer",
  "ProtocolName": "cmrr_mbepi_s6_2mm_66sl_PA_task-prf",
  "PulseSequenceDetails": "%CustomerSeq%_cmrr_mbep2d_bold",
  "ReceiveCoilActiveElements": "HC1-7",
  "ReceiveCoilName": "HeadNeck_64",
  "ReconMatrixPE": 104,
  "RepetitionTime": 1,
  "SAR": 0.068692,
  "ScanOptions": "FS",
  "ScanningSequence": "EP",
  "SequenceName": "epfid2d1_104",
  "SequenceVariant": "SK_SS",
  "SeriesDescription": "cmrr_mbepi_s6_2mm_66sl_PA_task-prf_SBRef",
  "SeriesNumber": 15,
  "ShimSetting": [253, -12562, -8457, 379, -116, 32, -112, 52],
  "SliceThickness": 2,
  "SliceTiming": [0, 0.09, 0.1775, 0.2675, 0.355, 0.445, 0.535, 0.6225, 0.7125, 0.8025, 0.89, 0.98, 1.0675, 1.1575, 1.2475, 1.335, 1.425, 1.515, 1.6025, 1.6925, 1.7825, 1.87, 1.96, 2.0475, 2.1375, 2.2275, 2.315, 2.405, 2.495, 2.5825, 2.6725, 2.76, 2.85, 2.94, 3.0275, 3.1175, 3.2075, 3.295, 3.385, 3.475, 3.5625, 3.6525, 3.74, 3.83, 3.92, 4.0075, 4.0975, 4.1875, 4.275, 4.365, 4.4525, 4.5425, 4.6325, 4.72, 4.81, 4.9, 4.9875, 5.0775, 5.1675, 5.255, 5.345, 5.4325, 5.5225, 5.6125, 5.7, 5.79],
  "SoftwareVersions": "syngo_MR_E11",
  "SpacingBetweenSlices": 2,
  "StationName": "AWP166018",
  "TaskName": "prf",
  "TotalReadoutTime": 0.0597409,
  "TxRefAmp": 221.385,
  "WipMemBlock": "7378edc6-d062-4cc0-82ac-462082a2613c||Sequence: R016 ve11c/master r/8780670; Nov 27 2017 15:05:12 by eja",
  "dcmmeta_affine": [
    [-1.9924092292785645, -0.14806151390075684, 0.09155989438295364, 115.22147369384766],
    [-0.17120517790317535, 1.857072114944458, -0.7224763035774231, -54.160823822021484],
    [0.0315311923623085, 0.727571964263916, 1.8626983165740967, -87.12887573242188],
    [0.0, 0.0, 0.0, 1.0]
],
  "dcmmeta_reorient_transform": [
    [0.0, -1.0, 0.0, 103.0],
    [1.0, 0.0, 0.0, 0.0],
    [0.0, 0.0, 1.0, 0.0],
    [0.0, 0.0, 0.0, 1.0]
],
  "dcmmeta_shape": [104, 104, 66],
  "dcmmeta_slice_dim": 2,
  "dcmmeta_version": 0.6,
  "global": {
    "const": {
      "AccessionNumber": "JU9RZJEV",
      "AcquisitionMatrix": [104, 0, 0, 104],
      "AcquisitionNumber": 1,
      "AcquisitionTime": "093029.490000",
      "AngioFlag": "N",
      "BitsAllocated": 16,
      "BitsStored": 16,
      "BodyPartExamined": "BRAIN",
      "Columns": 936,
      "ContentTime": "093139.842000",
      "EchoNumbers": 1,
      "EchoTime": 37.0,
      "EchoTrainLength": 104,
      "FlipAngle": 68.0,
      "HighBit": 15,
      "ImageOrientationPatient": [0.99620461906818, 0.08560258718834, 0.01576559589405, -0.0740307604653, 0.92853605273638, -0.3637859882866],
      "ImagePositionPatient": [-867.21978845316, -980.88095324883, 277.36400393594],
      "ImageType": [
        "ORIGINAL",
        "PRIMARY",
        "M",
        "ND",
        "MOSAIC"
],
      "ImagedNucleus": "1H",
      "ImagingFrequency": 123.191016,
      "InPlanePhaseEncodingDirection": "COL",
      "InstanceCreationTime": "093139.842000",
      "InstanceNumber": 1,
      "LargestImagePixelValue": 65535,
      "MRAcquisitionType": "2D",
      "MagneticFieldStrength": 3.0,
      "Manufacturer": "SIEMENS",
      "ManufacturerModelName": "Prisma",
      "Modality": "MR",
      "NumberOfAverages": 1.0,
      "NumberOfPhaseEncodingSteps": 104,
      "PercentPhaseFieldOfView": 100.0,
      "PercentSampling": 100.0,
      "PerformedProcedureStepStartTime": "085101.370000",
      "PhotometricInterpretation": "MONOCHROME2",
      "PixelBandwidth": 2290.0,
      "PixelRepresentation": 0,
      "PixelSpacing": [2.0, 2.0],
      "ProtocolName": "cmrr_mbepi_s6_2mm_66sl_PA_task-prf",
      "RepetitionTime": 1000.0,
      "Rows": 936,
      "SAR": 0.06869203088308,
      "SamplesPerPixel": 1,
      "ScanOptions": "FS",
      "ScanningSequence": "EP",
      "SequenceName": "epfid2d1_104",
      "SequenceVariant": [
        "SK",
        "SS"
],
      "SeriesDescription": "cmrr_mbepi_s6_2mm_66sl_PA_task-prf_SBRef",
      "SeriesNumber": 15,
      "SeriesTime": "093139.838000",
      "SliceLocation": -56.307615263165,
      "SliceThickness": 2.0,
      "SmallestImagePixelValue": 0,
      "SoftwareVersions": "syngo MR E11",
      "SpacingBetweenSlices": 2.0000000386761,
      "SpecificCharacterSet": "ISO_IR 100",
      "StudyID": "1",
      "StudyTime": "085101.165000",
      "TransmitCoilName": "Body",
      "VariableFlipAngleFlag": "N",
      "WindowCenter": 13776.0,
      "WindowCenterWidthExplanation": "Algo1",
      "WindowWidth": 30624.0,
      "dBdt": 0.0},
    "slices": {}
  }
}