{
  "AcquisitionMatrixPE": 104,
  "AcquisitionNumber": 1,
  "AcquisitionTime": "11:48:12.057500",
  "BandwidthPerPixelPhaseEncode": 16.297,
  "BaseResolution": 104,
  "BodyPartExamined": "BRAIN",
  "ConsistencyInfo": "N4_VE11C_LATEST_20160120",
  "ConversionSoftware": "dcm2niix",
  "ConversionSoftwareVersion": "v1.0.20190902",
  "DerivedVendorReportedEchoSpacing": 0.000590009,
  "DeviceSerialNumber": "166018",
  "DwellTime": 2.1e-06,
  "EchoTime": 0.0512,
  "EchoTrainLength": 91,
  "EffectiveEchoSpacing": 0.000590009,
  "FlipAngle": 90,
  "ImageOrientationPatientDICOM": [0.996785, 0.0233346, -0.076648, -0.0436949, 0.960186, -0.275922],
  "ImageType": [
    "ORIGINAL",
    "PRIMARY",
    "M",
    "ND",
    "MOSAIC"
],
  "ImagingFrequency": 123.191,
  "InPlanePhaseEncodingDirectionDICOM": "COL",
  "InstitutionAddress": "Washington_Place_6_NYC_NYC_US_10003",
  "InstitutionName": "NYU_Center_for_Brain_Imaging",
  "InstitutionalDepartmentName": "Department",
  "MRAcquisitionType": "2D",
  "MagneticFieldStrength": 3,
  "Manufacturer": "Siemens",
  "ManufacturersModelName": "Prisma",
  "Modality": "MR",
  "PartialFourier": 0.875,
  "PatientPosition": "HFS",
  "PercentPhaseFOV": 100,
  "PhaseEncodingDirection": "j",
  "PhaseEncodingSteps": 91,
  "PhaseResolution": 1,
  "PixelBandwidth": 2290,
  "ProcedureStepDescription": "Investigators_Winawer",
  "ProtocolName": "FMRI_DISTORTION_PA_2mm_66sl",
  "PulseSequenceDetails": "%CustomerSeq%_cmrr_mbep2d_se",
  "ReceiveCoilActiveElements": "HC1-7",
  "ReceiveCoilName": "HeadNeck_64",
  "ReconMatrixPE": 104,
  "RepetitionTime": 6.35,
  "SAR": 0.1484,
  "ScanOptions": "PFP_FS",
  "ScanningSequence": "EP",
  "SequenceName": "epse2d1_104",
  "SequenceVariant": "SK",
  "SeriesDescription": "FMRI_DISTORTION_PA_2mm_66sl",
  "SeriesNumber": 6,
  "ShimSetting": [245, -12554, -8562, 422, 66, 50, -219, -87],
  "SliceThickness": 2,
  "SliceTiming": [3.165, 0, 3.26, 0.0975, 3.3575, 0.1925, 3.4525, 0.2875, 3.5475, 0.385, 3.645, 0.48, 3.74, 0.575, 3.8375, 0.6725, 3.9325, 0.7675, 4.0275, 0.8625, 4.125, 0.96, 4.22, 1.055, 4.315, 1.15, 4.4125, 1.2475, 4.5075, 1.3425, 4.6025, 1.44, 4.7, 1.535, 4.795, 1.63, 4.8925, 1.7275, 4.9875, 1.8225, 5.0825, 1.9175, 5.18, 2.015, 5.275, 2.11, 5.37, 2.205, 5.4675, 2.3025, 5.5625, 2.3975, 5.6575, 2.495, 5.755, 2.59, 5.85, 2.685, 5.945, 2.7825, 6.0425, 2.8775, 6.1375, 2.9725, 6.235, 3.07],
  "SoftwareVersions": "syngo_MR_E11",
  "SpacingBetweenSlices": 2,
  "StationName": "AWP166018",
  "TotalReadoutTime": 0.060771,
  "TxRefAmp": 213.971,
  "WipMemBlock": "475530e2-d83c-4262-9ec2-ec46924af9b6||Sequence: R016 ve11c/master r/8780670; Nov 27 2017 15:08:10 by eja",
  "dcmmeta_affine": [
    [-1.9935702085494995, -0.08738978207111359, -0.13431575894355774, 114.13873291015625],
    [-0.04666911065578461, 1.9203726053237915, -0.556768536567688, -67.99539947509766],
    [-0.15329609811306, 0.5518444180488586, 1.9162379503250122, -89.17717742919922],
    [0.0, 0.0, 0.0, 1.0]
],
  "dcmmeta_reorient_transform": [
    [0.0, -1.0, 0.0, 103.0],
    [1.0, 0.0, 0.0, 0.0],
    [0.0, 0.0, 1.0, 0.0],
    [0.0, 0.0, 0.0, 1.0]
],
  "dcmmeta_shape": [104, 104, 66, 3],
  "dcmmeta_slice_dim": 2,
  "dcmmeta_version": 0.6,
  "global": {
    "const": {
      "AccessionNumber": "ju9rrvrc",
      "AcquisitionMatrix": [104, 0, 0, 104],
      "AngioFlag": "N",
      "BitsAllocated": 16,
      "BitsStored": 16,
      "BodyPartExamined": "BRAIN",
      "Columns": 936,
      "EchoNumbers": 1,
      "EchoTime": 51.2,
      "EchoTrainLength": 91,
      "FlipAngle": 90.0,
      "HighBit": 15,
      "ImageOrientationPatient": [0.99678512002101, 0.02333455517891, -0.0766480465459, -0.043694891442, 0.96018628109348, -0.2759222029155],
      "ImagePositionPatient": [-898.10865449242, -948.09230839976, 261.00124452365],
      "ImageType": [
        "ORIGINAL",
        "PRIMARY",
        "M",
        "ND",
        "MOSAIC"
],
      "ImagedNucleus": "1H",
      "ImagingFrequency": 123.191134,
      "InPlanePhaseEncodingDirection": "COL",
      "LargestImagePixelValue": 65535,
      "MRAcquisitionType": "2D",
      "MagneticFieldStrength": 3.0,
      "Manufacturer": "SIEMENS",
      "ManufacturerModelName": "Prisma",
      "Modality": "MR",
      "NumberOfAverages": 1.0,
      "NumberOfPhaseEncodingSteps": 91,
      "PercentPhaseFieldOfView": 100.0,
      "PercentSampling": 100.0,
      "PerformedProcedureStepStartTime": "113034.319000",
      "PhotometricInterpretation": "MONOCHROME2",
      "PixelBandwidth": 2290.0,
      "PixelRepresentation": 0,
      "PixelSpacing": [2.0, 2.0],
      "ProtocolName": "FMRI_DISTORTION_PA_2mm_66sl",
      "RepetitionTime": 6350.0,
      "Rows": 936,
      "SAR": 0.14840036860244,
      "SamplesPerPixel": 1,
      "ScanOptions": [
        "PFP",
        "FS"
],
      "ScanningSequence": "EP",
      "SequenceName": "epse2d1_104",
      "SequenceVariant": "SK",
      "SeriesDescription": "FMRI_DISTORTION_PA_2mm_66sl",
      "SeriesNumber": 6,
      "SeriesTime": "114828.086000",
      "SliceLocation": -74.178812263387,
      "SliceThickness": 2.0,
      "SmallestImagePixelValue": 0,
      "SoftwareVersions": "syngo MR E11",
      "SpacingBetweenSlices": 1.9999999360599,
      "SpecificCharacterSet": "ISO_IR 100",
      "StudyID": "1",
      "StudyTime": "113034.259000",
      "TransmitCoilName": "Body",
      "VariableFlipAngleFlag": "N",
      "WindowCenterWidthExplanation": "Algo1",
      "dBdt": 0.0},
    "slices": {}
  },
  "time": {
    "samples": {
      "AcquisitionNumber": [1, 2, 3],
      "AcquisitionTime": ["114812.057500", "114818.407500", "114824.757500"],
      "ContentTime": ["114828.089000", "114828.093000", "114828.096000"],
      "InstanceCreationTime": ["114828.089000", "114828.093000", "114828.096000"],
      "InstanceNumber": [1, 2, 3],
      "WindowCenter": [12413.0, 12418.0, 12420.0],
      "WindowWidth": [27502.0, 27512.0, 27515.0]
    },
    "slices": {}
  },
  "IntendedFor": [
    "ses-nyu3t01/func/sub-wlsubj092_ses-nyu3t01_task-prf_acq-PA_run-01_bold.nii.gz",
    "ses-nyu3t01/func/sub-wlsubj092_ses-nyu3t01_task-prf_acq-PA_run-01_sbref.nii.gz",
    "ses-nyu3t01/func/sub-wlsubj092_ses-nyu3t01_task-prf_acq-PA_run-02_bold.nii.gz",
    "ses-nyu3t01/func/sub-wlsubj092_ses-nyu3t01_task-prf_acq-PA_run-02_sbref.nii.gz",
    "ses-nyu3t01/func/sub-wlsubj092_ses-nyu3t01_task-prf_acq-PA_run-03_bold.nii.gz",
    "ses-nyu3t01/func/sub-wlsubj092_ses-nyu3t01_task-prf_acq-PA_run-03_sbref.nii.gz",
    "ses-nyu3t01/func/sub-wlsubj092_ses-nyu3t01_task-prf_acq-PA_run-04_bold.nii.gz",
    "ses-nyu3t01/func/sub-wlsubj092_ses-nyu3t01_task-prf_acq-PA_run-04_sbref.nii.gz",
    "ses-nyu3t01/func/sub-wlsubj092_ses-nyu3t01_task-prf_acq-PA_run-05_bold.nii.gz",
    "ses-nyu3t01/func/sub-wlsubj092_ses-nyu3t01_task-prf_acq-PA_run-05_sbref.nii.gz"
  ]
}