{
  "bids_meta": {
    "AcquisitionMatrixPE": 300,
    "AcquisitionNumber": 1,
    "AcquisitionTime": "12:47:13.400000",
    "BaseResolution": 320,
    "BodyPartExamined": "BRAIN",
    "ConsistencyInfo": "N4_VE11C_LATEST_20160120",
    "ConversionSoftware": "dcm2niix",
    "ConversionSoftwareVersion": "v1.0.20190902",
    "DeviceSerialNumber": "166018",
    "DwellTime": 7.4e-06,
    "EchoTime": 0.00224,
    "FlipAngle": 8,
    "ImageOrientationPatientDICOM": [
      -0.0147975,
      0.991195,
      -0.13158,
      0.0512607,
      -0.130669,
      -0.9901
    ],
    "ImageType": [
      "ORIGINAL",
      "PRIMARY",
      "M",
      "ND",
      "NORM"
    ],
    "ImagingFrequency": 123.191,
    "InPlanePhaseEncodingDirectionDICOM": "ROW",
    "InstitutionAddress": "Washington_Place_6_NYC_NYC_US_10003",
    "InstitutionName": "NYU_Center_for_Brain_Imaging",
    "InstitutionalDepartmentName": "Department",
    "InversionTime": 1.06,
    "MRAcquisitionType": "3D",
    "MagneticFieldStrength": 3,
    "Manufacturer": "Siemens",
    "ManufacturersModelName": "Prisma",
    "Modality": "MR",
    "ParallelReductionFactorInPlane": 2,
    "PartialFourier": 1,
    "PatientPosition": "HFS",
    "PercentPhaseFOV": 93.75,
    "PhaseEncodingSteps": 299,
    "PhaseResolution": 1,
    "PixelBandwidth": 210,
    "ProcedureStepDescription": "Investigators_Winawer",
    "ProtocolName": "T1_MPRAGE",
    "PulseSequenceDetails": "%SiemensSeq%_tfl",
    "ReceiveCoilActiveElements": "HC1-7;NC1",
    "ReceiveCoilName": "HeadNeck_64",
    "ReconMatrixPE": 300,
    "RefLinesPE": 32,
    "RepetitionTime": 2.4,
    "SAR": 0.0383644,
    "ScanOptions": "IR",
    "ScanningSequence": "GR_IR",
    "SequenceName": "_tfl3d1_16ns",
    "SequenceVariant": "SK_SP_MP",
    "SeriesDescription": "T1_MPRAGE",
    "SeriesNumber": 19,
    "ShimSetting": [
      259,
      -12629,
      -8519,
      388,
      -12,
      -343,
      -3,
      -11
    ],
    "SliceThickness": 0.8,
    "SoftwareVersions": "syngo_MR_E11",
    "StationName": "AWP166018",
    "TxRefAmp": 203.508,
    "acq_id": "highres",
    "dataset": "unknown",
    "dcmmeta_affine": [
      [
        0.7988605499267578,
        -0.011838025413453579,
        0.04100857302546501,
        -79.71952819824219
      ],
      [
        0.017116734758019447,
        0.7929561138153076,
        -0.10453543812036514,
        -88.1506576538086
      ],
      [
        -0.039100632071495056,
        0.10526396334171295,
        0.7920799851417542,
        -112.36878967285156
      ],
      [
        0.0,
        0.0,
        0.0,
        1.0
      ]
    ],
    "dcmmeta_reorient_transform": [
      [
        0.0,
        0.0,
        -1.0,
        319.0
      ],
      [
        0.0,
        -1.0,
        0.0,
        299.0
      ],
      [
        -1.0,
        0.0,
        0.0,
        191.0
      ],
      [
        0.0,
        0.0,
        0.0,
        1.0
      ]
    ],
    "dcmmeta_shape": [
      192,
      300,
      320
    ],
    "dcmmeta_slice_dim": 0,
    "dcmmeta_version": 0.6,
    "global": {
      "const": {
        "AccessionNumber": "jpvhv9d1",
        "AcquisitionMatrix": [
          0,
          320,
          300,
          0
        ],
        "AcquisitionNumber": 1,
        "AcquisitionTime": "124713.400000",
        "AngioFlag": "N",
        "BitsAllocated": 16,
        "BitsStored": 12,
        "BodyPartExamined": "BRAIN",
        "Columns": 300,
        "EchoNumbers": 1,
        "EchoTime": 2.24,
        "EchoTrainLength": 1,
        "FlipAngle": 8.0,
        "HighBit": 11,
        "ImageOrientationPatient": [
          -0.0147975318752,
          0.99119511141125,
          -0.1315799535067,
          0.05126071675459,
          -0.1306692994041,
          -0.9900999308711
        ],
        "ImageType": [
          "ORIGINAL",
          "PRIMARY",
          "M",
          "ND",
          "NORM"
        ],
        "ImagedNucleus": "1H",
        "ImagingFrequency": 123.190856,
        "InPlanePhaseEncodingDirection": "ROW",
        "InversionTime": 1060.0,
        "MRAcquisitionType": "3D",
        "MagneticFieldStrength": 3.0,
        "Manufacturer": "SIEMENS",
        "ManufacturerModelName": "Prisma",
        "Modality": "MR",
        "NumberOfAverages": 1.0,
        "NumberOfPhaseEncodingSteps": 299,
        "PercentPhaseFieldOfView": 93.75,
        "PercentSampling": 100.0,
        "PerformedProcedureStepStartTime": "120926.853000",
        "PhotometricInterpretation": "MONOCHROME2",
        "PixelBandwidth": 210.0,
        "PixelRepresentation": 0,
        "PixelSpacing": [
          0.80000001192093,
          0.80000001192093
        ],
        "ProtocolName": "T1_MPRAGE",
        "RepetitionTime": 2400.0,
        "Rows": 320,
        "SAR": 0.03836437283016,
        "SamplesPerPixel": 1,
        "ScanOptions": "IR",
        "ScanningSequence": [
          "GR",
          "IR"
        ],
        "SequenceName": "*tfl3d1_16ns",
        "SequenceVariant": [
          "SK",
          "SP",
          "MP"
        ],
        "SeriesDescription": "T1_MPRAGE",
        "SeriesNumber": 19,
        "SeriesTime": "125355.621000",
        "SliceThickness": 0.80000001192093,
        "SmallestImagePixelValue": 0,
        "SoftwareVersions": "syngo MR E11",
        "SpecificCharacterSet": "ISO_IR 100",
        "StudyID": "1",
        "StudyTime": "120926.714000",
        "TransmitCoilName": "Body",
        "VariableFlipAngleFlag": "N",
        "WindowCenterWidthExplanation": "Algo1",
        "dBdt": 0.0
      },
