{
  "aor": 0.0007992708333333333,
  "aqi": 0.007022518333333334,
  "bids_meta": {
    "AcquisitionMatrixPE": 104,
    "AcquisitionNumber": 1,
    "AcquisitionTime": "12:39:12.022500",
    "BandwidthPerPixelPhaseEncode": 16.578,
    "BaseResolution": 104,
    "BodyPartExamined": "BRAIN",
    "CogAtlasID": "TODO",
    "ConsistencyInfo": "N4_VE11C_LATEST_20160120",
    "ConversionSoftware": "dcm2niix",
    "ConversionSoftwareVersion": "v1.0.20190902",
    "DerivedVendorReportedEchoSpacing": 0.000580009,
    "DeviceSerialNumber": "166018",
    "DwellTime": 2.1e-06,
    "EchoTime": 0.037,
    "EchoTrainLength": 104,
    "EffectiveEchoSpacing": 0.000580009,
    "FlipAngle": 68,
    "ImageComments": "Unaliased_MB6_PE3_LB",
    "ImageOrientationPatientDICOM": [
      0.998575,
      0.0214317,
      0.0488661,
      -0.00801724,
      0.965659,
      -0.259688
    ],
    "ImageType": [
      "ORIGINAL",
      "PRIMARY",
      "M",
      "MB",
      "ND",
      "MOSAIC"
    ],
    "ImagingFrequency": 123.191,
    "InPlanePhaseEncodingDirectionDICOM": "COL",
    "InstitutionAddress": "Washington_Place_6_NYC_NYC_US_10003",
    "InstitutionName": "NYU_Center_for_Brain_Imaging",
    "InstitutionalDepartmentName": "Department",
    "MRAcquisitionType": "2D",
    "MagneticFieldStrength": 3,
    "Manufacturer": "Siemens",
    "ManufacturersModelName": "Prisma",
    "Modality": "MR",
    "MultibandAccelerationFactor": 6,
    "NumberOfVolumes": 192,
    "PartialFourier": 1,
    "PatientPosition": "HFS",
    "PercentPhaseFOV": 100,
    "PhaseEncodingDirection": "j",
    "PhaseEncodingSteps": 104,
    "PhaseResolution": 1,
    "PixelBandwidth": 2290,
    "ProcedureStepDescription": "Investigators_Winawer",
    "ProtocolName": "cmrr_mbepi_s6_2mm_66sl_PA_task-prf",
    "PulseSequenceDetails": "%CustomerSeq%_cmrr_mbep2d_bold",
    "ReceiveCoilActiveElements": "HC1-7",
    "ReceiveCoilName": "HeadNeck_64",
    "ReconMatrixPE": 104,
    "RepetitionTime": 1,
    "SAR": 0.0589005,
    "ScanOptions": "FS",
    "ScanningSequence": "EP",
    "SequenceName": "epfid2d1_104",
    "SequenceVariant": "SK_SS",
    "SeriesDescription": "cmrr_mbepi_s6_2mm_66sl_PA_task-prf",
    "SeriesNumber": 16,
    "ShimSetting": [
      257,
      -12607,
      -8498,
      451,
      -21,
      8,
      -133,
      -44
    ],
    "SliceThickness": 2,
    "SliceTiming": [
      0,
      0.535,
      0.09,
      0.625,
      0.18,
      0.715,
      0.2675,
      0.8025,
      0.3575,
      0.8925,
      0.4475,
      0,
      0.535,
      0.09,
      0.625,
      0.18,
      0.715,
      0.2675,
      0.8025,
      0.3575,
      0.8925,
      0.4475,
      0,
      0.535,
      0.09,
      0.625,
      0.18,
      0.715,
      0.2675,
      0.8025,
      0.3575,
      0.8925,
      0.4475,
      0,
      0.535,
      0.09,
      0.625,
      0.18,
      0.715,
      0.2675,
      0.8025,
      0.3575,
      0.8925,
      0.4475,
      0,
      0.535,
      0.09,
      0.625,
      0.18,
      0.715,
      0.2675,
      0.8025,
      0.3575,
      0.8925,
      0.4475,
      0,
      0.535,
      0.09,
      0.625,
      0.18,
      0.715,
      0.2675,
      0.8025,
      0.3575,
      0.8925,
      0.4475
    ],
    "SoftwareVersions": "syngo_MR_E11",
    "SpacingBetweenSlices": 2,
    "StationName": "AWP166018",
    "TaskName": "prf",
    "TotalReadoutTime": 0.0597409,
    "TxRefAmp": 203.508,
    "WipMemBlock": "3db63286-b352-4e24-ab67-a34c0c521b52||Sequence: R016 ve11c/master r/8780670; Nov 27 2017 15:05:12 by eja",
    "acq_id": "PA",
    "dataset": "unknown",
    "dcmmeta_affine": [
      [
        -1.9971507787704468,
        -0.016034480184316635,
        0.10550722479820251,
        107.01654815673828
      ],
      [
        -0.04286348447203636,
        1.9313186407089233,
        -0.5178521871566772,
        -67.95065307617188
      ],
      [
        0.0977322980761528,
        0.5193756818771362,
        1.9289108514785767,
        -81.57173919677734
      ],
      [
        0.0,
        0.0,
        0.0,
        1.0
      ]
    ],
    "dcmmeta_reorient_transform": [
      [
        0.0,
        -1.0,
        0.0,
        103.0
      ],
      [
        1.0,
        0.0,
        0.0,
        0.0
      ],
      [
        0.0,
        0.0,
        1.0,
        0.0
      ],
      [
        0.0,
        0.0,
        0.0,
        1.0
      ]
    ],
    "dcmmeta_shape": [
      104,
      104,
      66,
      192
    ],
    "dcmmeta_slice_dim": 2,
    "dcmmeta_version": 0.6,
    "global": {
      "const": {
        "AccessionNumber": "jpvhv9d1",
        "AcquisitionMatrix": [
          104,
          0,
          0,
          104
        ],
        "AngioFlag": "N",
        "BitsAllocated": 16,
        "BitsStored": 16,
        "BodyPartExamined": "BRAIN",
        "Columns": 936,
        "EchoNumbers": 1,
        "EchoTime": 37.0,
        "EchoTrainLength": 104,
        "FlipAngle": 68.0,
        "HighBit": 15,
        "ImageOrientationPatient": [
          0.99857537523322,
          0.02143174273425,
          0.04886614759947,
          -0.0080172399129,
          0.96565933540112,
          -0.2596878353271
        ],
        "ImagePositionPatient": [
          -929.50936805185,
          -952.23494665973,
          147.327600537
        ],
        "ImageType": [
          "ORIGINAL",
          "PRIMARY",
          "M",
          "MB",
          "ND",
          "MOSAIC"
        ],
        "ImagedNucleus": "1H",
        "ImagingFrequency": 123.190849,
        "InPlanePhaseEncodingDirection": "COL",
        "MRAcquisitionType": "2D",
        "MagneticFieldStrength": 3.0,
        "Manufacturer": "SIEMENS",
        "ManufacturerModelName": "Prisma",
        "Modality": "MR",
        "NumberOfAverages": 1.0,
        "NumberOfPhaseEncodingSteps": 104,
        "PercentPhaseFieldOfView": 100.0,
        "PercentSampling": 100.0,
        "PerformedProcedureStepStartTime": "120926.853000",
        "PhotometricInterpretation": "MONOCHROME2",
        "PixelBandwidth": 2290.0,
        "PixelRepresentation": 0,
        "PixelSpacing": [
          2.0,
          2.0
        ],
        "ProtocolName": "cmrr_mbepi_s6_2mm_66sl_PA_task-prf",
        "RepetitionTime": 1000.0,
        "Rows": 936,
        "SAR": 0.05890051524164,
        "SamplesPerPixel": 1,
        "ScanOptions": "FS",
        "ScanningSequence": "EP",
        "SequenceName": "epfid2d1_104",
        "SequenceVariant": [
          "SK",
          "SS"
        ],
        "SeriesDescription": "cmrr_mbepi_s6_2mm_66sl_PA_task-prf",
        "SeriesNumber": 16,
        "SeriesTime": "124035.511000",
        "SliceLocation": -55.432599595336,
        "SliceThickness": 2.0,
        "SmallestImagePixelValue": 0,
        "SoftwareVersions": "syngo MR E11",
        "SpacingBetweenSlices": 1.9999999695103,
        "SpecificCharacterSet": "ISO_IR 100",
        "StudyID": "1",
        "StudyTime": "120926.714000",
        "TransmitCoilName": "Body",
        "VariableFlipAngleFlag": "N",
        "WindowCenterWidthExplanation": "Algo1",
        "dBdt": 0.0
      },
