{
  "AcquisitionMatrixPE": 104,
  "AcquisitionNumber": 1,
  "AcquisitionTime": "15:44:56.687500",
  "BandwidthPerPixelPhaseEncode": 16.297,
  "BaseResolution": 104,
  "BodyPartExamined": "BRAIN",
  "ConsistencyInfo": "N4_VE11C_LATEST_20160120",
  "ConversionSoftware": "dcm2niix",
  "ConversionSoftwareVersion": "v1.0.20190902",
  "DerivedVendorReportedEchoSpacing": 0.000590009,
  "DeviceSerialNumber": "166018",
  "DwellTime": 2.1e-06,
  "EchoTime": 0.0512,
  "EchoTrainLength": 91,
  "EffectiveEchoSpacing": 0.000590009,
  "FlipAngle": 90,
  "ImageOrientationPatientDICOM": [0.998521, -0.0247588, 0.048393, 0.0415013, 0.922188, -0.38451],
  "ImageType": [
    "ORIGINAL",
    "PRIMARY",
    "M",
    "ND",
    "MOSAIC"
],
  "ImagingFrequency": 123.191,
  "InPlanePhaseEncodingDirectionDICOM": "COL",
  "InstitutionAddress": "Washington_Place_6_NYC_NYC_US_10003",
  "InstitutionName": "NYU_-_CBI",
  "InstitutionalDepartmentName": "Department",
  "MRAcquisitionType": "2D",
  "MagneticFieldStrength": 3,
  "Manufacturer": "Siemens",
  "ManufacturersModelName": "Prisma",
  "Modality": "MR",
  "PartialFourier": 0.875,
  "PatientPosition": "HFS",
  "PercentPhaseFOV": 100,
  "PhaseEncodingDirection": "j-",
  "PhaseEncodingSteps": 91,
  "PhaseResolution": 1,
  "PixelBandwidth": 2290,
  "ProcedureStepDescription": "Investigators_Winawer",
  "ProtocolName": "FMRI_DISTORTION_AP_2mm_66sl",
  "PulseSequenceDetails": "%CustomerSeq%_cmrr_mbep2d_se",
  "ReceiveCoilActiveElements": "HC1-7",
  "ReceiveCoilName": "HeadNeck_64",
  "ReconMatrixPE": 104,
  "RepetitionTime": 6.35,
  "SAR": 0.146168,
  "ScanOptions": "PFP_FS",
  "ScanningSequence": "EP",
  "SequenceName": "epse2d1_104",
  "SequenceVariant": "SK",
  "SeriesDescription": "FMRI_DISTORTION_AP_2mm_66sl",
  "SeriesNumber": 5,
  "ShimSetting": [261, -12580, -8459, 482, 6, -143, -82, -33],
  "SliceThickness": 2,
  "SliceTiming": [3.165, 0, 3.2625, 0.0975, 3.3575, 0.1925, 3.4525, 0.2875, 3.55, 0.385, 3.645, 0.48, 3.74, 0.5775, 3.8375, 0.6725, 3.9325, 0.7675, 4.03, 0.865, 4.125, 0.96, 4.22, 1.055, 4.3175, 1.1525, 4.4125, 1.2475, 4.5075, 1.3425, 4.605, 1.44, 4.7, 1.535, 4.795, 1.6325, 4.8925, 1.7275, 4.9875, 1.8225, 5.0825, 1.92, 5.18, 2.015, 5.275, 2.11, 5.3725, 2.2075, 5.4675, 2.3025, 5.5625, 2.3975, 5.66, 2.495, 5.755, 2.59, 5.85, 2.685, 5.9475, 2.7825, 6.0425, 2.8775, 6.1375, 2.975, 6.235, 3.07],
  "SoftwareVersions": "syngo_MR_E11",
  "SpacingBetweenSlices": 2,
  "StationName": "AWP166018",
  "TotalReadoutTime": 0.060771,
  "TxRefAmp": 234.373,
  "WipMemBlock": "2d900120-e358-4c9e-84e3-55771d9a70b8||Sequence: ve11c/master r/ab69a6c; Apr 19 2017 10:08:21 by eja",
  "dcmmeta_affine": [
    [-1.9970428943634033, 0.0830025002360344, 0.0702148973941803, 110.34679412841797],
    [0.049517672508955, 1.8443751335144043, -0.7718992829322815, -64.71625518798828],
    [0.09678608924150467, 0.7690195441246033, 1.843703269958496, -96.47901916503906],
    [0.0, 0.0, 0.0, 1.0]
],
  "dcmmeta_reorient_transform": [
    [0.0, -1.0, 0.0, 103.0],
    [1.0, 0.0, 0.0, 0.0],
    [0.0, 0.0, 1.0, 0.0],
    [0.0, 0.0, 0.0, 1.0]
],
  "dcmmeta_shape": [104, 104, 66, 3],
  "dcmmeta_slice_dim": 2,
  "dcmmeta_version": 0.6,
  "global": {
    "const": {
      "AccessionNumber": "j6wepnxe",
      "AcquisitionMatrix": [104, 0, 0, 104],
      "AngioFlag": "N",
      "BitsAllocated": 16,
      "BitsStored": 16,
      "BodyPartExamined": "BRAIN",
      "Columns": 936,
      "EchoNumbers": 1,
      "EchoTime": 51.2,
      "EchoTrainLength": 91,
      "FlipAngle": 90.0,
      "HighBit": 15,
      "ImageOrientationPatient": [0.99852146361479, -0.0247588370637, 0.04839304379581, 0.04150125035507, 0.9221875559071, -0.3845097631388],
      "ImagePositionPatient": [-984.19494958396, -871.91507572875, 262.37910260703],
      "ImageType": [
        "ORIGINAL",
        "PRIMARY",
        "M",
        "ND",
        "MOSAIC"
],
      "ImagedNucleus": "1H",
      "ImagingFrequency": 123.191344,
      "InPlanePhaseEncodingDirection": "COL",
      "LargestImagePixelValue": 65535,
      "MRAcquisitionType": "2D",
      "MagneticFieldStrength": 3.0,
      "Manufacturer": "SIEMENS",
      "ManufacturerModelName": "Prisma",
      "Modality": "MR",
      "NumberOfAverages": 1.0,
      "NumberOfPhaseEncodingSteps": 91,
      "PercentPhaseFieldOfView": 100.0,
      "PercentSampling": 100.0,
      "PerformedProcedureStepStartTime": "154117.736000",
      "PhotometricInterpretation": "MONOCHROME2",
      "PixelBandwidth": 2290.0,
      "PixelRepresentation": 0,
      "PixelSpacing": [2.0, 2.0],
      "ProtocolName": "FMRI_DISTORTION_AP_2mm_66sl",
      "RepetitionTime": 6350.0,
      "Rows": 936,
      "SAR": 0.14616775057101,
      "SamplesPerPixel": 1,
      "ScanOptions": [
        "PFP",
        "FS"
],
      "ScanningSequence": "EP",
      "SequenceName": "epse2d1_104",
      "SequenceVariant": "SK",
      "SeriesDescription": "FMRI_DISTORTION_AP_2mm_66sl",
      "SeriesNumber": 5,
      "SeriesTime": "154513.163000",
      "SliceLocation": -60.088128683745,
      "SliceThickness": 2.0,
      "SmallestImagePixelValue": 0,
      "SoftwareVersions": "syngo MR E11",
      "SpacingBetweenSlices": 2.0000000486852,
      "SpecificCharacterSet": "ISO_IR 100",
      "StudyID": "1",
      "StudyTime": "154117.674000",
      "TransmitCoilName": "Body",
      "VariableFlipAngleFlag": "N",
      "WindowCenterWidthExplanation": "Algo1",
      "dBdt": 0.0},
    "slices": {}
  },
  "time": {
    "samples": {
      "AcquisitionNumber": [1, 2, 3],
      "AcquisitionTime": ["154456.687500", "154503.037500", "154509.387500"],
      "ContentTime": ["154513.167000", "154513.171000", "154513.174000"],
      "InstanceCreationTime": ["154513.167000", "154513.171000", "154513.174000"],
      "InstanceNumber": [1, 2, 3],
      "WindowCenter": [13375.0, 13389.0, 13388.0],
      "WindowWidth": [29801.0, 29848.0, 29844.0]
    },
    "slices": {}
  },
  "IntendedFor": [
    "ses-nyu3t01/func/sub-wlsubj043_ses-nyu3t01_task-prf_acq-PA_run-01_bold.nii.gz",
    "ses-nyu3t01/func/sub-wlsubj043_ses-nyu3t01_task-prf_acq-PA_run-01_sbref.nii.gz",
    "ses-nyu3t01/func/sub-wlsubj043_ses-nyu3t01_task-prf_acq-PA_run-02_bold.nii.gz",
    "ses-nyu3t01/func/sub-wlsubj043_ses-nyu3t01_task-prf_acq-PA_run-02_sbref.nii.gz",
    "ses-nyu3t01/func/sub-wlsubj043_ses-nyu3t01_task-prf_acq-PA_run-03_bold.nii.gz",
    "ses-nyu3t01/func/sub-wlsubj043_ses-nyu3t01_task-prf_acq-PA_run-03_sbref.nii.gz",
    "ses-nyu3t01/func/sub-wlsubj043_ses-nyu3t01_task-prf_acq-PA_run-04_bold.nii.gz",
    "ses-nyu3t01/func/sub-wlsubj043_ses-nyu3t01_task-prf_acq-PA_run-04_sbref.nii.gz",
    "ses-nyu3t01/func/sub-wlsubj043_ses-nyu3t01_task-prf_acq-PA_run-05_bold.nii.gz",
    "ses-nyu3t01/func/sub-wlsubj043_ses-nyu3t01_task-prf_acq-PA_run-05_sbref.nii.gz",
    "ses-nyu3t01/func/sub-wlsubj043_ses-nyu3t01_task-prf_acq-PA_run-06_bold.nii.gz",
    "ses-nyu3t01/func/sub-wlsubj043_ses-nyu3t01_task-prf_acq-PA_run-06_sbref.nii.gz",
    "ses-nyu3t01/func/sub-wlsubj043_ses-nyu3t01_task-prf_acq-PA_run-07_bold.nii.gz",
    "ses-nyu3t01/func/sub-wlsubj043_ses-nyu3t01_task-prf_acq-PA_run-07_sbref.nii.gz",
    "ses-nyu3t01/func/sub-wlsubj043_ses-nyu3t01_task-prf_acq-PA_run-08_bold.nii.gz",
    "ses-nyu3t01/func/sub-wlsubj043_ses-nyu3t01_task-prf_acq-PA_run-08_sbref.nii.gz",
    "ses-nyu3t01/func/sub-wlsubj043_ses-nyu3t01_task-prf_acq-PA_run-09_bold.nii.gz",
    "ses-nyu3t01/func/sub-wlsubj043_ses-nyu3t01_task-prf_acq-PA_run-09_sbref.nii.gz",
    "ses-nyu3t01/func/sub-wlsubj043_ses-nyu3t01_task-prf_acq-PA_run-10_bold.nii.gz",
    "ses-nyu3t01/func/sub-wlsubj043_ses-nyu3t01_task-prf_acq-PA_run-10_sbref.nii.gz",
    "ses-nyu3t01/func/sub-wlsubj043_ses-nyu3t01_task-prf_acq-PA_run-11_bold.nii.gz",
    "ses-nyu3t01/func/sub-wlsubj043_ses-nyu3t01_task-prf_acq-PA_run-11_sbref.nii.gz",
    "ses-nyu3t01/func/sub-wlsubj043_ses-nyu3t01_task-prf_acq-PA_run-12_bold.nii.gz",
    "ses-nyu3t01/func/sub-wlsubj043_ses-nyu3t01_task-prf_acq-PA_run-12_sbref.nii.gz"
  ]
}