{
  "AcquisitionMatrixPE": 104,
  "AcquisitionNumber": 1,
  "AcquisitionTime": "12:56:28.687500",
  "BandwidthPerPixelPhaseEncode": 16.297,
  "BaseResolution": 104,
  "BodyPartExamined": "BRAIN",
  "ConsistencyInfo": "N4_VE11C_LATEST_20160120",
  "ConversionSoftware": "dcm2niix",
  "ConversionSoftwareVersion": "v1.0.20190902",
  "DerivedVendorReportedEchoSpacing": 0.000590009,
  "DeviceSerialNumber": "166018",
  "DwellTime": 2.1e-06,
  "EchoTime": 0.0512,
  "EchoTrainLength": 91,
  "EffectiveEchoSpacing": 0.000590009,
  "FlipAngle": 90,
  "ImageOrientationPatientDICOM": [0.999487, 0.0261597, -0.018501, -0.0287911, 0.986645, -0.160318],
  "ImageType": [
    "ORIGINAL",
    "PRIMARY",
    "M",
    "ND",
    "MOSAIC"
],
  "ImagingFrequency": 123.191,
  "InPlanePhaseEncodingDirectionDICOM": "COL",
  "InstitutionAddress": "Washington_Place_6_NYC_NYC_US_10003",
  "InstitutionName": "NYU_Center_for_Brain_Imaging",
  "InstitutionalDepartmentName": "Department",
  "MRAcquisitionType": "2D",
  "MagneticFieldStrength": 3,
  "Manufacturer": "Siemens",
  "ManufacturersModelName": "Prisma",
  "Modality": "MR",
  "PartialFourier": 0.875,
  "PatientPosition": "HFS",
  "PercentPhaseFOV": 100,
  "PhaseEncodingDirection": "j-",
  "PhaseEncodingSteps": 91,
  "PhaseResolution": 1,
  "PixelBandwidth": 2290,
  "ProcedureStepDescription": "Investigators_Winawer",
  "ProtocolName": "FMRI_DISTORTION_AP_2mm_66sl",
  "PulseSequenceDetails": "%CustomerSeq%_cmrr_mbep2d_se",
  "ReceiveCoilActiveElements": "HC1-7",
  "ReceiveCoilName": "HeadNeck_64",
  "ReconMatrixPE": 104,
  "RepetitionTime": 6.35,
  "SAR": 0.139958,
  "ScanOptions": "PFP_FS",
  "ScanningSequence": "EP",
  "SequenceName": "epse2d1_104",
  "SequenceVariant": "SK",
  "SeriesDescription": "FMRI_DISTORTION_AP_2mm_66sl",
  "SeriesNumber": 5,
  "ShimSetting": [257, -12631, -8447, 449, 1, -16, 86, 38],
  "SliceThickness": 2,
  "SliceTiming": [3.165, 0, 3.26, 0.095, 3.355, 0.1925, 3.4525, 0.2875, 3.5475, 0.3825, 3.645, 0.48, 3.74, 0.575, 3.835, 0.67, 3.9325, 0.7675, 4.0275, 0.8625, 4.1225, 0.9575, 4.22, 1.055, 4.315, 1.15, 4.41, 1.2475, 4.5075, 1.3425, 4.6025, 1.4375, 4.7, 1.535, 4.795, 1.63, 4.89, 1.725, 4.9875, 1.8225, 5.0825, 1.9175, 5.1775, 2.0125, 5.275, 2.11, 5.37, 2.205, 5.465, 2.3025, 5.5625, 2.3975, 5.6575, 2.4925, 5.7525, 2.59, 5.85, 2.685, 5.945, 2.78, 6.0425, 2.8775, 6.1375, 2.9725, 6.2325, 3.0675],
  "SoftwareVersions": "syngo_MR_E11",
  "SpacingBetweenSlices": 2,
  "StationName": "AWP166018",
  "TotalReadoutTime": 0.060771,
  "TxRefAmp": 214.37,
  "WipMemBlock": "5feb27c8-259c-4363-b49b-bff81df61d27||Sequence: ve11c/master r/ab69a6c; Apr 19 2017 10:08:21 by eja",
  "dcmmeta_affine": [
    [-1.9989731311798096, -0.05758224427700043, -0.02812008000910282, 113.10984802246094],
    [-0.05231931060552597, 1.9732909202575684, -0.32153627276420593, -77.13788604736328],
    [-0.03700193762779236, 0.320635586977005, 1.97378408908844, -64.35639953613281],
    [0.0, 0.0, 0.0, 1.0]
],
  "dcmmeta_reorient_transform": [
    [0.0, -1.0, 0.0, 103.0],
    [1.0, 0.0, 0.0, 0.0],
    [0.0, 0.0, 1.0, 0.0],
    [0.0, 0.0, 0.0, 1.0]
],
  "dcmmeta_shape": [104, 104, 66, 3],
  "dcmmeta_slice_dim": 2,
  "dcmmeta_version": 0.6,
  "global": {
    "const": {
      "AccessionNumber": "j94gwt7u",
      "AcquisitionMatrix": [104, 0, 0, 104],
      "AngioFlag": "N",
      "BitsAllocated": 16,
      "BitsStored": 16,
      "BodyPartExamined": "BRAIN",
      "Columns": 936,
      "EchoNumbers": 1,
      "EchoTime": 51.2,
      "EchoTrainLength": 91,
      "FlipAngle": 90.0,
      "HighBit": 15,
      "ImageOrientationPatient": [0.99948656147083, 0.02615965539129, -0.0185009694077, -0.0287911223546, 0.98664546758569, -0.1603177861816],
      "ImagePositionPatient": [-914.79748492973, -968.76494538722, 117.44626990449],
      "ImageType": [
        "ORIGINAL",
        "PRIMARY",
        "M",
        "ND",
        "MOSAIC"
],
      "ImagedNucleus": "1H",
      "ImagingFrequency": 123.191212,
      "InPlanePhaseEncodingDirection": "COL",
      "LargestImagePixelValue": 65535,
      "MRAcquisitionType": "2D",
      "MagneticFieldStrength": 3.0,
      "Manufacturer": "SIEMENS",
      "ManufacturerModelName": "Prisma",
      "Modality": "MR",
      "NumberOfAverages": 1.0,
      "NumberOfPhaseEncodingSteps": 91,
      "PercentPhaseFieldOfView": 100.0,
      "PercentSampling": 100.0,
      "PerformedProcedureStepStartTime": "124416.153000",
      "PhotometricInterpretation": "MONOCHROME2",
      "PixelBandwidth": 2290.0,
      "PixelRepresentation": 0,
      "PixelSpacing": [2.0, 2.0],
      "ProtocolName": "FMRI_DISTORTION_AP_2mm_66sl",
      "RepetitionTime": 6350.0,
      "Rows": 936,
      "SAR": 0.13995809604431,
      "SamplesPerPixel": 1,
      "ScanOptions": [
        "PFP",
        "FS"
],
      "ScanningSequence": "EP",
      "SequenceName": "epse2d1_104",
      "SequenceVariant": "SK",
      "SeriesDescription": "FMRI_DISTORTION_AP_2mm_66sl",
      "SeriesNumber": 5,
      "SeriesTime": "125644.815000",
      "SliceLocation": -52.70183357968,
      "SliceThickness": 2.0,
      "SmallestImagePixelValue": 0,
      "SoftwareVersions": "syngo MR E11",
      "SpacingBetweenSlices": 2.0000000044048,
      "SpecificCharacterSet": "ISO_IR 100",
      "StudyID": "2",
      "StudyTime": "124416.101000",
      "TransmitCoilName": "Body",
      "VariableFlipAngleFlag": "N",
      "WindowCenterWidthExplanation": "Algo1",
      "dBdt": 0.0},
    "slices": {}
  },
  "time": {
    "samples": {
      "AcquisitionNumber": [1, 2, 3],
      "AcquisitionTime": ["125628.687500", "125635.037500", "125641.387500"],
      "ContentTime": ["125644.818000", "125644.822000", "125644.825000"],
      "InstanceCreationTime": ["125644.818000", "125644.822000", "125644.825000"],
      "InstanceNumber": [1, 2, 3],
      "WindowCenter": [12001.0, 12003.0, 12008.0],
      "WindowWidth": [26007.0, 26014.0, 26023.0]
    },
    "slices": {}
  },
  "IntendedFor": [
    "ses-nyu3t01/func/sub-wlsubj001_ses-nyu3t01_task-prf_acq-PA_run-01_bold.nii.gz",
    "ses-nyu3t01/func/sub-wlsubj001_ses-nyu3t01_task-prf_acq-PA_run-01_sbref.nii.gz",
    "ses-nyu3t01/func/sub-wlsubj001_ses-nyu3t01_task-prf_acq-PA_run-02_bold.nii.gz",
    "ses-nyu3t01/func/sub-wlsubj001_ses-nyu3t01_task-prf_acq-PA_run-02_sbref.nii.gz",
    "ses-nyu3t01/func/sub-wlsubj001_ses-nyu3t01_task-prf_acq-PA_run-03_bold.nii.gz",
    "ses-nyu3t01/func/sub-wlsubj001_ses-nyu3t01_task-prf_acq-PA_run-03_sbref.nii.gz",
    "ses-nyu3t01/func/sub-wlsubj001_ses-nyu3t01_task-prf_acq-PA_run-04_bold.nii.gz",
    "ses-nyu3t01/func/sub-wlsubj001_ses-nyu3t01_task-prf_acq-PA_run-04_sbref.nii.gz",
    "ses-nyu3t01/func/sub-wlsubj001_ses-nyu3t01_task-prf_acq-PA_run-05_bold.nii.gz",
    "ses-nyu3t01/func/sub-wlsubj001_ses-nyu3t01_task-prf_acq-PA_run-05_sbref.nii.gz",
    "ses-nyu3t01/func/sub-wlsubj001_ses-nyu3t01_task-prf_acq-PA_run-06_bold.nii.gz",
    "ses-nyu3t01/func/sub-wlsubj001_ses-nyu3t01_task-prf_acq-PA_run-06_sbref.nii.gz",
    "ses-nyu3t01/func/sub-wlsubj001_ses-nyu3t01_task-prf_acq-PA_run-07_bold.nii.gz",
    "ses-nyu3t01/func/sub-wlsubj001_ses-nyu3t01_task-prf_acq-PA_run-07_sbref.nii.gz",
    "ses-nyu3t01/func/sub-wlsubj001_ses-nyu3t01_task-prf_acq-PA_run-08_bold.nii.gz",
    "ses-nyu3t01/func/sub-wlsubj001_ses-nyu3t01_task-prf_acq-PA_run-08_sbref.nii.gz",
    "ses-nyu3t01/func/sub-wlsubj001_ses-nyu3t01_task-prf_acq-PA_run-09_bold.nii.gz",
    "ses-nyu3t01/func/sub-wlsubj001_ses-nyu3t01_task-prf_acq-PA_run-09_sbref.nii.gz",
    "ses-nyu3t01/func/sub-wlsubj001_ses-nyu3t01_task-prf_acq-PA_run-10_bold.nii.gz",
    "ses-nyu3t01/func/sub-wlsubj001_ses-nyu3t01_task-prf_acq-PA_run-10_sbref.nii.gz",
    "ses-nyu3t01/func/sub-wlsubj001_ses-nyu3t01_task-prf_acq-PA_run-11_bold.nii.gz",
    "ses-nyu3t01/func/sub-wlsubj001_ses-nyu3t01_task-prf_acq-PA_run-11_sbref.nii.gz",
    "ses-nyu3t01/func/sub-wlsubj001_ses-nyu3t01_task-prf_acq-PA_run-12_bold.nii.gz",
    "ses-nyu3t01/func/sub-wlsubj001_ses-nyu3t01_task-prf_acq-PA_run-12_sbref.nii.gz"
  ]
}