{
  "aor": 0.0008768586387434555,
  "aqi": 0.005132007120418848,
  "bids_meta": {
    "AcquisitionMatrixPE": 104,
    "AcquisitionNumber": 1,
    "AcquisitionTime": "17:47:13.492500",
    "BandwidthPerPixelPhaseEncode": 16.578,
    "BaseResolution": 104,
    "BodyPartExamined": "BRAIN",
    "CogAtlasID": "TODO",
    "ConsistencyInfo": "N4_VE11C_LATEST_20160120",
    "ConversionSoftware": "dcm2niix",
    "ConversionSoftwareVersion": "v1.0.20190902",
    "DerivedVendorReportedEchoSpacing": 0.000580009,
    "DeviceSerialNumber": "166018",
    "DwellTime": 2.1e-06,
    "EchoTime": 0.037,
    "EchoTrainLength": 104,
    "EffectiveEchoSpacing": 0.000580009,
    "FlipAngle": 68,
    "ImageComments": "Unaliased_MB6_PE3_LB",
    "ImageOrientationPatientDICOM": [
      0.999994,
      0.00049522,
      0.00344817,
      0.000523572,
      0.957233,
      -0.289316
    ],
    "ImageType": [
      "ORIGINAL",
      "PRIMARY",
      "M",
      "MB",
      "ND",
      "MOSAIC"
    ],
    "ImagingFrequency": 123.191,
    "InPlanePhaseEncodingDirectionDICOM": "COL",
    "InstitutionAddress": "Washington_Place_6_NYC_NYC_US_10003",
    "InstitutionName": "NYU_Center_for_Brain_Imaging",
    "InstitutionalDepartmentName": "Department",
    "MRAcquisitionType": "2D",
    "MagneticFieldStrength": 3,
    "Manufacturer": "Siemens",
    "ManufacturersModelName": "Prisma",
    "Modality": "MR",
    "MultibandAccelerationFactor": 6,
    "NumberOfVolumes": 192,
    "PartialFourier": 1,
    "PatientPosition": "HFS",
    "PercentPhaseFOV": 100,
    "PhaseEncodingDirection": "j",
    "PhaseEncodingSteps": 104,
    "PhaseResolution": 1,
    "PixelBandwidth": 2290,
    "ProcedureStepDescription": "Investigators_Winawer",
    "ProtocolName": "cmrr_mbepi_s6_2mm_66sl_PA_task-prf",
    "PulseSequenceDetails": "%CustomerSeq%_cmrr_mbep2d_bold",
    "ReceiveCoilActiveElements": "HC1-7",
    "ReceiveCoilName": "HeadNeck_64",
    "ReconMatrixPE": 104,
    "RepetitionTime": 1,
    "SAR": 0.0603576,
    "ScanOptions": "FS",
    "ScanningSequence": "EP",
    "SequenceName": "epfid2d1_104",
    "SequenceVariant": "SK_SS",
    "SeriesDescription": "cmrr_mbepi_s6_2mm_66sl_PA_task-prf",
    "SeriesNumber": 18,
    "ShimSetting": [
      242,
      -12614,
      -8495,
      413,
      -56,
      140,
      -157,
      19
    ],
    "SliceThickness": 2,
    "SliceTiming": [
      0,
      0.535,
      0.09,
      0.625,
      0.18,
      0.7125,
      0.2675,
      0.8025,
      0.3575,
      0.8925,
      0.4475,
      0,
      0.535,
      0.09,
      0.625,
      0.18,
      0.7125,
      0.2675,
      0.8025,
      0.3575,
      0.8925,
      0.4475,
      0,
      0.535,
      0.09,
      0.625,
      0.18,
      0.7125,
      0.2675,
      0.8025,
      0.3575,
      0.8925,
      0.4475,
      0,
      0.535,
      0.09,
      0.625,
      0.18,
      0.7125,
      0.2675,
      0.8025,
      0.3575,
      0.8925,
      0.4475,
      0,
      0.535,
      0.09,
      0.625,
      0.18,
      0.7125,
      0.2675,
      0.8025,
      0.3575,
      0.8925,
      0.4475,
      0,
      0.535,
      0.09,
      0.625,
      0.18,
      0.7125,
      0.2675,
      0.8025,
      0.3575,
      0.8925,
      0.4475
    ],
    "SoftwareVersions": "syngo_MR_E11",
    "SpacingBetweenSlices": 2,
    "StationName": "AWP166018",
    "TaskName": "prf",
    "TotalReadoutTime": 0.0597409,
    "TxRefAmp": 213.445,
    "WipMemBlock": "be6da9ce-12d5-4b28-82cb-6e292074ef89||Sequence: R016 ve11c/master r/8780670; Nov 27 2017 15:05:12 by eja",
    "acq_id": "PA",
    "dataset": "unknown",
    "dcmmeta_affine": [
      [
        -1.9999878406524658,
        0.0010471435962244868,
        0.006887949071824551,
        108.51509094238281
      ],
      [
        -0.0009904401376843452,
        1.9144669771194458,
        -0.5786323547363281,
        -70.68016815185547
      ],
      [
        0.00689633097499609,
        0.5786322355270386,
        1.9144548177719116,
        -76.74503326416016
      ],
      [
        0.0,
        0.0,
        0.0,
        1.0
      ]
    ],
    "dcmmeta_reorient_transform": [
      [
        0.0,
        -1.0,
        0.0,
        103.0
      ],
      [
        1.0,
        0.0,
        0.0,
        0.0
      ],
      [
        0.0,
        0.0,
        1.0,
        0.0
      ],
      [
        0.0,
        0.0,
        0.0,
        1.0
      ]
    ],
    "dcmmeta_shape": [
      104,
      104,
      66,
      192
    ],
    "dcmmeta_slice_dim": 2,
    "dcmmeta_version": 0.6,
    "global": {
      "const": {
        "AccessionNumber": "juLLh44k",
        "AcquisitionMatrix": [
          104,
          0,
          0,
          104
        ],
        "AngioFlag": "N",
        "BitsAllocated": 16,
        "BitsStored": 16,
        "BodyPartExamined": "BRAIN",
        "Columns": 936,
        "EchoNumbers": 1,
        "EchoTime": 37.0,
        "EchoTrainLength": 104,
        "FlipAngle": 68.0,
        "HighBit": 15,
        "ImageOrientationPatient": [
          0.99999393243719,
          0.0004952200849,
          0.00344816557976,
          0.0005235718208,
          0.95723346644146,
          -0.2893161187992
        ],
        "ImagePositionPatient": [
          -941.05351392933,
          -923.3401956845,
          220.6962216572
        ],
        "ImageType": [
          "ORIGINAL",
          "PRIMARY",
          "M",
          "MB",
          "ND",
          "MOSAIC"
        ],
        "ImagedNucleus": "1H",
        "ImagingFrequency": 123.191074,
        "InPlanePhaseEncodingDirection": "COL",
        "MRAcquisitionType": "2D",
        "MagneticFieldStrength": 3.0,
        "Manufacturer": "SIEMENS",
        "ManufacturerModelName": "Prisma",
        "Modality": "MR",
        "NumberOfAverages": 1.0,
        "NumberOfPhaseEncodingSteps": 104,
        "PercentPhaseFieldOfView": 100.0,
        "PercentSampling": 100.0,
        "PerformedProcedureStepStartTime": "171417.341000",
        "PhotometricInterpretation": "MONOCHROME2",
        "PixelBandwidth": 2290.0,
        "PixelRepresentation": 0,
        "PixelSpacing": [
          2.0,
          2.0
        ],
        "ProtocolName": "cmrr_mbepi_s6_2mm_66sl_PA_task-prf",
        "RepetitionTime": 1000.0,
        "Rows": 936,
        "SAR": 0.06035761134849,
        "SamplesPerPixel": 1,
        "ScanOptions": "FS",
        "ScanningSequence": "EP",
        "SequenceName": "epfid2d1_104",
        "SequenceVariant": [
          "SK",
          "SS"
        ],
        "SeriesDescription": "cmrr_mbepi_s6_2mm_66sl_PA_task-prf",
        "SeriesNumber": 18,
        "SeriesTime": "174837.022000",
        "SliceLocation": -52.639813153631,
        "SliceThickness": 2.0,
        "SmallestImagePixelValue": 0,
        "SoftwareVersions": "syngo MR E11",
        "SpacingBetweenSlices": 1.9999999805911,
        "SpecificCharacterSet": "ISO_IR 100",
        "StudyID": "1",
        "StudyTime": "171417.280000",
        "TransmitCoilName": "Body",
        "VariableFlipAngleFlag": "N",
        "WindowCenterWidthExplanation": "Algo1",
        "dBdt": 0.0
      },
