{
  "aor": 0.0008376439790575917,
  "aqi": 0.008283989790575916,
  "bids_meta": {
    "AcquisitionMatrixPE": 104,
    "AcquisitionNumber": 1,
    "AcquisitionTime": "16:44:45.275000",
    "BandwidthPerPixelPhaseEncode": 16.578,
    "BaseResolution": 104,
    "BodyPartExamined": "BRAIN",
    "CogAtlasID": "TODO",
    "ConsistencyInfo": "N4_VE11C_LATEST_20160120",
    "ConversionSoftware": "dcm2niix",
    "ConversionSoftwareVersion": "v1.0.20190902",
    "DerivedVendorReportedEchoSpacing": 0.000580009,
    "DeviceSerialNumber": "166018",
    "DwellTime": 2.1e-06,
    "EchoTime": 0.037,
    "EchoTrainLength": 104,
    "EffectiveEchoSpacing": 0.000580009,
    "FlipAngle": 68,
    "ImageComments": "Unaliased_MB6_PE3_LB",
    "ImageOrientationPatientDICOM": [
      0.997542,
      -0.0458307,
      0.0529967,
      0.0571685,
      0.969709,
      -0.237478
    ],
    "ImageType": [
      "ORIGINAL",
      "PRIMARY",
      "M",
      "MB",
      "ND",
      "MOSAIC"
    ],
    "ImagingFrequency": 123.191,
    "InPlanePhaseEncodingDirectionDICOM": "COL",
    "InstitutionAddress": "Washington_Place_6_NYC_NYC_US_10003",
    "InstitutionName": "NYU_-_CBI",
    "InstitutionalDepartmentName": "Department",
    "MRAcquisitionType": "2D",
    "MagneticFieldStrength": 3,
    "Manufacturer": "Siemens",
    "ManufacturersModelName": "Prisma",
    "Modality": "MR",
    "MultibandAccelerationFactor": 6,
    "NumberOfVolumes": 192,
    "PartialFourier": 1,
    "PatientPosition": "HFS",
    "PercentPhaseFOV": 100,
    "PhaseEncodingDirection": "j",
    "PhaseEncodingSteps": 104,
    "PhaseResolution": 1,
    "PixelBandwidth": 2290,
    "ProcedureStepDescription": "Investigators_Winawer",
    "ProtocolName": "cmrr_mbepi_s6_2mm_66sl_PA_TR1.0",
    "PulseSequenceDetails": "%CustomerSeq%_cmrr_mbep2d_bold",
    "ReceiveCoilActiveElements": "HC1-7",
    "ReceiveCoilName": "HeadNeck_64",
    "ReconMatrixPE": 104,
    "RepetitionTime": 1,
    "SAR": 0.0800726,
    "ScanOptions": "FS",
    "ScanningSequence": "EP",
    "SequenceName": "epfid2d1_104",
    "SequenceVariant": "SK_SS",
    "SeriesDescription": "cmrr_mbepi_s6_2mm_66sl_PA_TR1.0",
    "SeriesNumber": 8,
    "ShimSetting": [
      253,
      -12564,
      -8485,
      467,
      -12,
      -184,
      -35,
      8
    ],
    "SliceThickness": 2,
    "SliceTiming": [
      0,
      0.535,
      0.09,
      0.6225,
      0.1775,
      0.7125,
      0.2675,
      0.8025,
      0.355,
      0.89,
      0.445,
      0,
      0.535,
      0.09,
      0.6225,
      0.1775,
      0.7125,
      0.2675,
      0.8025,
      0.355,
      0.89,
      0.445,
      0,
      0.535,
      0.09,
      0.6225,
      0.1775,
      0.7125,
      0.2675,
      0.8025,
      0.355,
      0.89,
      0.445,
      0,
      0.535,
      0.09,
      0.6225,
      0.1775,
      0.7125,
      0.2675,
      0.8025,
      0.355,
      0.89,
      0.445,
      0,
      0.535,
      0.09,
      0.6225,
      0.1775,
      0.7125,
      0.2675,
      0.8025,
      0.355,
      0.89,
      0.445,
      0,
      0.535,
      0.09,
      0.6225,
      0.1775,
      0.7125,
      0.2675,
      0.8025,
      0.355,
      0.89,
      0.445
    ],
    "SoftwareVersions": "syngo_MR_E11",
    "SpacingBetweenSlices": 2,
    "StationName": "AWP166018",
    "TaskName": "prf",
    "TotalReadoutTime": 0.0597409,
    "TxRefAmp": 250.804,
    "WipMemBlock": "ee634ab6-942a-4b10-b12b-f84276b4ac44||Sequence: ve11c/master r/ab69a6c; Apr 19 2017 09:47:47 by eja",
    "acq_id": "PA",
    "dataset": "unknown",
    "dcmmeta_affine": [
      [
        -1.9950848817825317,
        0.1143370270729065,
        0.08101527392864227,
        105.4575424194336
      ],
      [
        0.0916614681482315,
        1.9394186735153198,
        -0.4798473119735718,
        -70.46788787841797
      ],
      [
        0.10599342733621597,
        0.4749550521373749,
        1.9398925304412842,
        -82.23838806152344
      ],
      [
        0.0,
        0.0,
        0.0,
        1.0
      ]
    ],
    "dcmmeta_reorient_transform": [
      [
        0.0,
        -1.0,
        0.0,
        103.0
      ],
      [
        1.0,
        0.0,
        0.0,
        0.0
      ],
      [
        0.0,
        0.0,
        1.0,
        0.0
      ],
      [
        0.0,
        0.0,
        0.0,
        1.0
      ]
    ],
    "dcmmeta_shape": [
      104,
      104,
      66,
      192
    ],
    "dcmmeta_slice_dim": 2,
    "dcmmeta_version": 0.6,
    "global": {
      "const": {
        "AccessionNumber": "j6wfq5gm",
        "AcquisitionMatrix": [
          104,
          0,
          0,
          104
        ],
        "AngioFlag": "N",
        "BitsAllocated": 16,
        "BitsStored": 16,
        "BodyPartExamined": "BRAIN",
        "Columns": 936,
        "EchoNumbers": 1,
        "EchoTime": 37.0,
        "EchoTrainLength": 104,
        "FlipAngle": 68.0,
        "HighBit": 15,
        "ImageOrientationPatient": [
          0.99754242629366,
          -0.0458307346607,
          0.05299671220584,
          0.05716851489868,
          0.96970933081106,
          -0.2374775244991
        ],
        "ImagePositionPatient": [
          -994.75375629416,
          -897.95922448674,
          120.17001961562
        ],
        "ImageType": [
          "ORIGINAL",
          "PRIMARY",
          "M",
          "MB",
          "ND",
          "MOSAIC"
        ],
        "ImagedNucleus": "1H",
        "ImagingFrequency": 123.19134,
        "InPlanePhaseEncodingDirection": "COL",
        "MRAcquisitionType": "2D",
        "MagneticFieldStrength": 3.0,
        "Manufacturer": "SIEMENS",
        "ManufacturerModelName": "Prisma",
        "Modality": "MR",
        "NumberOfAverages": 1.0,
        "NumberOfPhaseEncodingSteps": 104,
        "PercentPhaseFieldOfView": 100.0,
        "PercentSampling": 100.0,
        "PerformedProcedureStepStartTime": "164024.304000",
        "PhotometricInterpretation": "MONOCHROME2",
        "PixelBandwidth": 2290.0,
        "PixelRepresentation": 0,
        "PixelSpacing": [
          2.0,
          2.0
        ],
        "ProtocolName": "cmrr_mbepi_s6_2mm_66sl_PA_TR1.0",
        "RepetitionTime": 1000.0,
        "Rows": 936,
        "SAR": 0.08007259547669,
        "SamplesPerPixel": 1,
        "ScanOptions": "FS",
        "ScanningSequence": "EP",
        "SequenceName": "epfid2d1_104",
        "SequenceVariant": [
          "SK",
          "SS"
        ],
        "SeriesDescription": "cmrr_mbepi_s6_2mm_66sl_PA_TR1.0",
        "SeriesNumber": 8,
        "SeriesTime": "164609.244000",
        "SliceLocation": -58.588067354977,
        "SliceThickness": 2.0,
        "SmallestImagePixelValue": 0,
        "SoftwareVersions": "syngo MR E11",
        "SpacingBetweenSlices": 2.0000000254267,
        "SpecificCharacterSet": "ISO_IR 100",
        "StudyID": "1",
        "StudyTime": "164024.247000",
        "TransmitCoilName": "Body",
        "VariableFlipAngleFlag": "N",
        "WindowCenterWidthExplanation": "Algo1",
        "dBdt": 0.0
      },
