{
  "aor": 0.0004925654450261781,
  "aqi": 0.00556794947643979,
  "bids_meta": {
    "AcquisitionMatrixPE": 104,
    "AcquisitionNumber": 1,
    "AcquisitionTime": "13:06:44.642500",
    "BandwidthPerPixelPhaseEncode": 16.578,
    "BaseResolution": 104,
    "BodyPartExamined": "BRAIN",
    "CogAtlasID": "TODO",
    "ConsistencyInfo": "N4_VE11C_LATEST_20160120",
    "ConversionSoftware": "dcm2niix",
    "ConversionSoftwareVersion": "v1.0.20190902",
    "DerivedVendorReportedEchoSpacing": 0.000580009,
    "DeviceSerialNumber": "166018",
    "DwellTime": 2.1e-06,
    "EchoTime": 0.037,
    "EchoTrainLength": 104,
    "EffectiveEchoSpacing": 0.000580009,
    "FlipAngle": 68,
    "ImageComments": "Unaliased_MB6_PE3_LB",
    "ImageOrientationPatientDICOM": [
      0.999487,
      0.0261597,
      -0.018501,
      -0.0287911,
      0.986645,
      -0.160318
    ],
    "ImageType": [
      "ORIGINAL",
      "PRIMARY",
      "M",
      "MB",
      "ND",
      "MOSAIC"
    ],
    "ImagingFrequency": 123.191,
    "InPlanePhaseEncodingDirectionDICOM": "COL",
    "InstitutionAddress": "Washington_Place_6_NYC_NYC_US_10003",
    "InstitutionName": "NYU_Center_for_Brain_Imaging",
    "InstitutionalDepartmentName": "Department",
    "MRAcquisitionType": "2D",
    "MagneticFieldStrength": 3,
    "Manufacturer": "Siemens",
    "ManufacturersModelName": "Prisma",
    "Modality": "MR",
    "MultibandAccelerationFactor": 6,
    "NumberOfVolumes": 192,
    "PartialFourier": 1,
    "PatientPosition": "HFS",
    "PercentPhaseFOV": 100,
    "PhaseEncodingDirection": "j",
    "PhaseEncodingSteps": 104,
    "PhaseResolution": 1,
    "PixelBandwidth": 2290,
    "ProcedureStepDescription": "Investigators_Winawer",
    "ProtocolName": "cmrr_mbepi_s6_2mm_66sl_PA_TR1.0",
    "PulseSequenceDetails": "%CustomerSeq%_cmrr_mbep2d_bold",
    "ReceiveCoilActiveElements": "HC1-7",
    "ReceiveCoilName": "HeadNeck_64",
    "ReconMatrixPE": 104,
    "RepetitionTime": 1,
    "SAR": 0.0625584,
    "ScanOptions": "FS",
    "ScanningSequence": "EP",
    "SequenceName": "epfid2d1_104",
    "SequenceVariant": "SK_SS",
    "SeriesDescription": "cmrr_mbepi_s6_2mm_66sl_PA_TR1.0",
    "SeriesNumber": 12,
    "ShimSetting": [
      257,
      -12631,
      -8447,
      449,
      1,
      -16,
      86,
      38
    ],
    "SliceThickness": 2,
    "SliceTiming": [
      0,
      0.5325,
      0.0875,
      0.6225,
      0.1775,
      0.7125,
      0.2675,
      0.8,
      0.355,
      0.89,
      0.445,
      0,
      0.5325,
      0.0875,
      0.6225,
      0.1775,
      0.7125,
      0.2675,
      0.8,
      0.355,
      0.89,
      0.445,
      0,
      0.5325,
      0.0875,
      0.6225,
      0.1775,
      0.7125,
      0.2675,
      0.8,
      0.355,
      0.89,
      0.445,
      0,
      0.5325,
      0.0875,
      0.6225,
      0.1775,
      0.7125,
      0.2675,
      0.8,
      0.355,
      0.89,
      0.445,
      0,
      0.5325,
      0.0875,
      0.6225,
      0.1775,
      0.7125,
      0.2675,
      0.8,
      0.355,
      0.89,
      0.445,
      0,
      0.5325,
      0.0875,
      0.6225,
      0.1775,
      0.7125,
      0.2675,
      0.8,
      0.355,
      0.89,
      0.445
    ],
    "SoftwareVersions": "syngo_MR_E11",
    "SpacingBetweenSlices": 2,
    "StationName": "AWP166018",
    "TaskName": "prf",
    "TotalReadoutTime": 0.0597409,
    "TxRefAmp": 214.37,
    "WipMemBlock": "18a2b670-dfdc-428a-bef0-bff8a42c6fa7||Sequence: ve11c/master r/ab69a6c; Apr 19 2017 09:47:47 by eja",
    "acq_id": "PA",
    "dataset": "unknown",
    "dcmmeta_affine": [
      [
        -1.9989731311798096,
        -0.05758224427700043,
        -0.02812008000910282,
        113.10984802246094
      ],
      [
        -0.05231931060552597,
        1.9732909202575684,
        -0.32153627276420593,
        -77.13788604736328
      ],
      [
        -0.03700193762779236,
        0.320635586977005,
        1.97378408908844,
        -64.35639953613281
      ],
      [
        0.0,
        0.0,
        0.0,
        1.0
      ]
    ],
    "dcmmeta_reorient_transform": [
      [
        0.0,
        -1.0,
        0.0,
        103.0
      ],
      [
        1.0,
        0.0,
        0.0,
        0.0
      ],
      [
        0.0,
        0.0,
        1.0,
        0.0
      ],
      [
        0.0,
        0.0,
        0.0,
        1.0
      ]
    ],
    "dcmmeta_shape": [
      104,
      104,
      66,
      192
    ],
    "dcmmeta_slice_dim": 2,
    "dcmmeta_version": 0.6,
    "global": {
      "const": {
        "AccessionNumber": "j94gwt7u",
        "AcquisitionMatrix": [
          104,
          0,
          0,
          104
        ],
        "AngioFlag": "N",
        "BitsAllocated": 16,
        "BitsStored": 16,
        "BodyPartExamined": "BRAIN",
        "Columns": 936,
        "EchoNumbers": 1,
        "EchoTime": 37.0,
        "EchoTrainLength": 104,
        "FlipAngle": 68.0,
        "HighBit": 15,
        "ImageOrientationPatient": [
          0.99948656147083,
          0.02615965539129,
          -0.0185009694077,
          -0.0287911223546,
          0.98664546758569,
          -0.1603177861816
        ],
        "ImagePositionPatient": [
          -914.79748492973,
          -968.76494538722,
          117.44626990449
        ],
        "ImageType": [
          "ORIGINAL",
          "PRIMARY",
          "M",
          "MB",
          "ND",
          "MOSAIC"
        ],
        "ImagedNucleus": "1H",
        "ImagingFrequency": 123.191215,
        "InPlanePhaseEncodingDirection": "COL",
        "MRAcquisitionType": "2D",
        "MagneticFieldStrength": 3.0,
        "Manufacturer": "SIEMENS",
        "ManufacturerModelName": "Prisma",
        "Modality": "MR",
        "NumberOfAverages": 1.0,
        "NumberOfPhaseEncodingSteps": 104,
        "PercentPhaseFieldOfView": 100.0,
        "PercentSampling": 100.0,
        "PerformedProcedureStepStartTime": "124416.153000",
        "PhotometricInterpretation": "MONOCHROME2",
        "PixelBandwidth": 2290.0,
        "PixelRepresentation": 0,
        "PixelSpacing": [
          2.0,
          2.0
        ],
        "ProtocolName": "cmrr_mbepi_s6_2mm_66sl_PA_TR1.0",
        "RepetitionTime": 1000.0,
        "Rows": 936,
        "SAR": 0.0625584192918,
        "SamplesPerPixel": 1,
        "ScanOptions": "FS",
        "ScanningSequence": "EP",
        "SequenceName": "epfid2d1_104",
        "SequenceVariant": [
          "SK",
          "SS"
        ],
        "SeriesDescription": "cmrr_mbepi_s6_2mm_66sl_PA_TR1.0",
        "SeriesNumber": 12,
        "SeriesTime": "130805.411000",
        "SliceLocation": -52.70183357968,
        "SliceThickness": 2.0,
        "SmallestImagePixelValue": 0,
        "SoftwareVersions": "syngo MR E11",
        "SpacingBetweenSlices": 2.0000000044048,
        "SpecificCharacterSet": "ISO_IR 100",
        "StudyID": "2",
        "StudyTime": "124416.101000",
        "TransmitCoilName": "Body",
        "VariableFlipAngleFlag": "N",
        "WindowCenterWidthExplanation": "Algo1",
        "dBdt": 0.0
      },
