{
  "AcquisitionMatrixPE": 104,
  "AcquisitionNumber": 1,
  "AcquisitionTime": "15:20:22.730000",
  "BandwidthPerPixelPhaseEncode": 16.297,
  "BaseResolution": 104,
  "BodyPartExamined": "BRAIN",
  "ConsistencyInfo": "N4_VE11C_LATEST_20160120",
  "ConversionSoftware": "dcm2niix",
  "ConversionSoftwareVersion": "v1.0.20190902",
  "DerivedVendorReportedEchoSpacing": 0.000590009,
  "DeviceSerialNumber": "166018",
  "DwellTime": 2.1e-06,
  "EchoTime": 0.0512,
  "EchoTrainLength": 91,
  "EffectiveEchoSpacing": 0.000590009,
  "FlipAngle": 90,
  "ImageOrientationPatientDICOM": [0.999707, -0.00551688, 0.0235628, 0.00663041, 0.998852, -0.0474446],
  "ImageType": [
    "ORIGINAL",
    "PRIMARY",
    "M",
    "ND",
    "MOSAIC"
],
  "ImagingFrequency": 123.191,
  "InPlanePhaseEncodingDirectionDICOM": "COL",
  "InstitutionAddress": "Washington_Place_6_NYC_NYC_US_10003",
  "InstitutionName": "NYU_-_CBI",
  "InstitutionalDepartmentName": "Department",
  "MRAcquisitionType": "2D",
  "MagneticFieldStrength": 3,
  "Manufacturer": "Siemens",
  "ManufacturersModelName": "Prisma",
  "Modality": "MR",
  "PartialFourier": 0.875,
  "PatientPosition": "HFS",
  "PercentPhaseFOV": 100,
  "PhaseEncodingDirection": "j-",
  "PhaseEncodingSteps": 91,
  "PhaseResolution": 1,
  "PixelBandwidth": 2290,
  "ProcedureStepDescription": "Investigators_Winawer",
  "ProtocolName": "FMRI_DISTORTION_AP_2mm_66sl",
  "PulseSequenceDetails": "%CustomerSeq%_cmrr_mbep2d_se",
  "ReceiveCoilActiveElements": "HC1-7",
  "ReceiveCoilName": "HeadNeck_64",
  "ReconMatrixPE": 104,
  "RepetitionTime": 6.35,
  "SAR": 0.165155,
  "ScanOptions": "PFP_FS",
  "ScanningSequence": "EP",
  "SequenceName": "epse2d1_104",
  "SequenceVariant": "SK",
  "SeriesDescription": "FMRI_DISTORTION_AP_2mm_66sl",
  "SeriesNumber": 5,
  "ShimSetting": [276, -12624, -8444, 403, 20, -171, -12, 32],
  "SliceThickness": 2,
  "SliceTiming": [3.165, 0, 3.26, 0.095, 3.355, 0.1925, 3.4525, 0.2875, 3.5475, 0.3825, 3.645, 0.48, 3.74, 0.575, 3.835, 0.67, 3.9325, 0.7675, 4.0275, 0.8625, 4.1225, 0.9575, 4.22, 1.055, 4.315, 1.15, 4.41, 1.2475, 4.5075, 1.3425, 4.6025, 1.4375, 4.7, 1.535, 4.795, 1.63, 4.89, 1.725, 4.9875, 1.8225, 5.0825, 1.9175, 5.1775, 2.0125, 5.275, 2.11, 5.37, 2.205, 5.465, 2.3025, 5.5625, 2.3975, 5.6575, 2.4925, 5.7525, 2.59, 5.85, 2.685, 5.945, 2.78, 6.0425, 2.8775, 6.1375, 2.9725, 6.2325, 3.0675],
  "SoftwareVersions": "syngo_MR_E11",
  "SpacingBetweenSlices": 2,
  "StationName": "AWP166018",
  "TotalReadoutTime": 0.060771,
  "TxRefAmp": 215.997,
  "WipMemBlock": "27e82450-a811-492a-98b2-2345aff8a167||Sequence: R016 ve11c/master r/8780670; Nov 27 2017 15:08:10 by eja",
  "dcmmeta_affine": [
    [-1.999414324760437, 0.013260826468467712, 0.046548087149858475, 107.22315216064453],
    [0.011033750139176846, 1.9977036714553833, -0.09517396986484528, -78.54827117919922],
    [0.0471256822347641, 0.09488929808139801, 1.9971919059753418, -39.36430358886719],
    [0.0, 0.0, 0.0, 1.0]
],
  "dcmmeta_reorient_transform": [
    [0.0, -1.0, 0.0, 103.0],
    [1.0, 0.0, 0.0, 0.0],
    [0.0, 0.0, 1.0, 0.0],
    [0.0, 0.0, 0.0, 1.0]
],
  "dcmmeta_shape": [104, 104, 66, 3],
  "dcmmeta_slice_dim": 2,
  "dcmmeta_version": 0.6,
  "global": {
    "const": {
      "AccessionNumber": "k3symgqr",
      "AcquisitionMatrix": [104, 0, 0, 104],
      "AngioFlag": "N",
      "BitsAllocated": 16,
      "BitsStored": 16,
      "BodyPartExamined": "BRAIN",
      "Columns": 936,
      "EchoNumbers": 1,
      "EchoTime": 51.2,
      "EchoTrainLength": 91,
      "FlipAngle": 90.0,
      "HighBit": 15,
      "ImageOrientationPatient": [0.99970713539921, -0.0055168749925, 0.02356284198106, 0.00663041340148, 0.99885186242049, -0.0474446472982],
      "ImagePositionPatient": [-945.86185514515, -953.66992111165, -9.721043522725],
      "ImageType": [
        "ORIGINAL",
        "PRIMARY",
        "M",
        "ND",
        "MOSAIC"
],
      "ImagedNucleus": "1H",
      "ImagingFrequency": 123.190744,
      "InPlanePhaseEncodingDirection": "COL",
      "LargestImagePixelValue": 65535,
      "MRAcquisitionType": "2D",
      "MagneticFieldStrength": 3.0,
      "Manufacturer": "SIEMENS",
      "ManufacturerModelName": "Prisma",
      "Modality": "MR",
      "NumberOfAverages": 1.0,
      "NumberOfPhaseEncodingSteps": 91,
      "PercentPhaseFieldOfView": 100.0,
      "PercentSampling": 100.0,
      "PerformedProcedureStepStartTime": "145701.224000",
      "PhotometricInterpretation": "MONOCHROME2",
      "PixelBandwidth": 2290.0,
      "PixelRepresentation": 0,
      "PixelSpacing": [2.0, 2.0],
      "ProtocolName": "FMRI_DISTORTION_AP_2mm_66sl",
      "RepetitionTime": 6350.0,
      "Rows": 936,
      "SAR": 0.16515453274574,
      "SamplesPerPixel": 1,
      "ScanOptions": [
        "PFP",
        "FS"
],
      "ScanningSequence": "EP",
      "SequenceName": "epse2d1_104",
      "SequenceVariant": "SK",
      "SeriesDescription": "FMRI_DISTORTION_AP_2mm_66sl",
      "SeriesNumber": 5,
      "SeriesTime": "152039.063000",
      "SliceLocation": -33.075640514039,
      "SliceThickness": 2.0,
      "SmallestImagePixelValue": 0,
      "SoftwareVersions": "syngo MR E11",
      "SpacingBetweenSlices": 2.0000000281142,
      "SpecificCharacterSet": "ISO_IR 100",
      "StudyID": "1",
      "StudyTime": "145701.175000",
      "TransmitCoilName": "Body",
      "VariableFlipAngleFlag": "N",
      "WindowCenterWidthExplanation": "Algo1",
      "dBdt": 0.0},
    "slices": {}
  },
  "time": {
    "samples": {
      "AcquisitionNumber": [1, 2, 3],
      "AcquisitionTime": ["152022.730000", "152029.080000", "152035.430000"],
      "ContentTime": ["152039.066000", "152039.070000", "152039.073000"],
      "InstanceCreationTime": ["152039.066000", "152039.070000", "152039.073000"],
      "InstanceNumber": [1, 2, 3],
      "WindowCenter": [13838.0, 13845.0, 13836.0],
      "WindowWidth": [30936.0, 30962.0, 30936.0]
    },
    "slices": {}
  },
  "IntendedFor": [
    "ses-nyu3t01/func/sub-wlsubj046_ses-nyu3t01_task-prf_acq-PA_run-01_bold.nii.gz",
    "ses-nyu3t01/func/sub-wlsubj046_ses-nyu3t01_task-prf_acq-PA_run-01_sbref.nii.gz",
    "ses-nyu3t01/func/sub-wlsubj046_ses-nyu3t01_task-prf_acq-PA_run-02_bold.nii.gz",
    "ses-nyu3t01/func/sub-wlsubj046_ses-nyu3t01_task-prf_acq-PA_run-02_sbref.nii.gz",
    "ses-nyu3t01/func/sub-wlsubj046_ses-nyu3t01_task-prf_acq-PA_run-03_bold.nii.gz",
    "ses-nyu3t01/func/sub-wlsubj046_ses-nyu3t01_task-prf_acq-PA_run-03_sbref.nii.gz",
    "ses-nyu3t01/func/sub-wlsubj046_ses-nyu3t01_task-prf_acq-PA_run-04_bold.nii.gz",
    "ses-nyu3t01/func/sub-wlsubj046_ses-nyu3t01_task-prf_acq-PA_run-04_sbref.nii.gz",
    "ses-nyu3t01/func/sub-wlsubj046_ses-nyu3t01_task-prf_acq-PA_run-05_bold.nii.gz",
    "ses-nyu3t01/func/sub-wlsubj046_ses-nyu3t01_task-prf_acq-PA_run-05_sbref.nii.gz",
    "ses-nyu3t01/func/sub-wlsubj046_ses-nyu3t01_task-prf_acq-PA_run-06_bold.nii.gz",
    "ses-nyu3t01/func/sub-wlsubj046_ses-nyu3t01_task-prf_acq-PA_run-06_sbref.nii.gz",
    "ses-nyu3t01/func/sub-wlsubj046_ses-nyu3t01_task-prf_acq-PA_run-07_bold.nii.gz",
    "ses-nyu3t01/func/sub-wlsubj046_ses-nyu3t01_task-prf_acq-PA_run-07_sbref.nii.gz"
  ]
}