{
  "aor": 0.0005106282722513089,
  "aqi": 0.007989771204188482,
  "bids_meta": {
    "AcquisitionMatrixPE": 104,
    "AcquisitionNumber": 1,
    "AcquisitionTime": "18:33:28.462500",
    "BandwidthPerPixelPhaseEncode": 16.578,
    "BaseResolution": 104,
    "BodyPartExamined": "BRAIN",
    "CogAtlasID": "TODO",
    "ConsistencyInfo": "N4_VE11C_LATEST_20160120",
    "ConversionSoftware": "dcm2niix",
    "ConversionSoftwareVersion": "v1.0.20190902",
    "DerivedVendorReportedEchoSpacing": 0.000580009,
    "DeviceSerialNumber": "166018",
    "DwellTime": 2.1e-06,
    "EchoTime": 0.037,
    "EchoTrainLength": 104,
    "EffectiveEchoSpacing": 0.000580009,
    "FlipAngle": 68,
    "ImageComments": "Unaliased_MB6_PE3_LB",
    "ImageOrientationPatientDICOM": [
      0.996577,
      0.0590126,
      -0.0579027,
      -0.0770323,
      0.917103,
      -0.391138
    ],
    "ImageType": [
      "ORIGINAL",
      "PRIMARY",
      "M",
      "MB",
      "ND",
      "MOSAIC"
    ],
    "ImagingFrequency": 123.191,
    "InPlanePhaseEncodingDirectionDICOM": "COL",
    "InstitutionAddress": "Washington_Place_6_NYC_NYC_US_10003",
    "InstitutionName": "NYU_Center_for_Brain_Imaging",
    "InstitutionalDepartmentName": "Department",
    "MRAcquisitionType": "2D",
    "MagneticFieldStrength": 3,
    "Manufacturer": "Siemens",
    "ManufacturersModelName": "Prisma",
    "Modality": "MR",
    "MultibandAccelerationFactor": 6,
    "NumberOfVolumes": 192,
    "PartialFourier": 1,
    "PatientPosition": "HFS",
    "PercentPhaseFOV": 100,
    "PhaseEncodingDirection": "j",
    "PhaseEncodingSteps": 104,
    "PhaseResolution": 1,
    "PixelBandwidth": 2290,
    "ProcedureStepDescription": "Investigators_Winawer",
    "ProtocolName": "cmrr_mbepi_s6_2mm_66sl_PA_task-prf",
    "PulseSequenceDetails": "%CustomerSeq%_cmrr_mbep2d_bold",
    "ReceiveCoilActiveElements": "HC1-7",
    "ReceiveCoilName": "HeadNeck_64",
    "ReconMatrixPE": 104,
    "RepetitionTime": 1,
    "SAR": 0.0828852,
    "ScanOptions": "FS",
    "ScanningSequence": "EP",
    "SequenceName": "epfid2d1_104",
    "SequenceVariant": "SK_SS",
    "SeriesDescription": "cmrr_mbepi_s6_2mm_66sl_PA_task-prf",
    "SeriesNumber": 12,
    "ShimSetting": [
      258,
      -12620,
      -8443,
      128,
      -29,
      -268,
      128,
      -7
    ],
    "SliceThickness": 2,
    "SliceTiming": [
      0,
      0.535,
      0.09,
      0.6225,
      0.1775,
      0.7125,
      0.2675,
      0.8025,
      0.3575,
      0.89,
      0.445,
      0,
      0.535,
      0.09,
      0.6225,
      0.1775,
      0.7125,
      0.2675,
      0.8025,
      0.3575,
      0.89,
      0.445,
      0,
      0.535,
      0.09,
      0.6225,
      0.1775,
      0.7125,
      0.2675,
      0.8025,
      0.3575,
      0.89,
      0.445,
      0,
      0.535,
      0.09,
      0.6225,
      0.1775,
      0.7125,
      0.2675,
      0.8025,
      0.3575,
      0.89,
      0.445,
      0,
      0.535,
      0.09,
      0.6225,
      0.1775,
      0.7125,
      0.2675,
      0.8025,
      0.3575,
      0.89,
      0.445,
      0,
      0.535,
      0.09,
      0.6225,
      0.1775,
      0.7125,
      0.2675,
      0.8025,
      0.3575,
      0.89,
      0.445
    ],
    "SoftwareVersions": "syngo_MR_E11",
    "SpacingBetweenSlices": 2,
    "StationName": "AWP166018",
    "TaskName": "prf",
    "TotalReadoutTime": 0.0597409,
    "TxRefAmp": 296.745,
    "WipMemBlock": "3c541e7f-98d7-4f03-b6e2-b1b52198130a||Sequence: R016 ve11c/master r/8780670; Nov 27 2017 15:05:12 by eja",
    "acq_id": "PA",
    "dataset": "unknown",
    "dcmmeta_affine": [
      [
        -1.9931530952453613,
        -0.1540645807981491,
        -0.06004129722714424,
        114.59999084472656
      ],
      [
        -0.11802522838115692,
        1.8342050313949585,
        -0.7885187864303589,
        -41.05567932128906
      ],
      [
        -0.11580543220043182,
        0.7822761535644531,
        1.8370174169540405,
        -90.5193099975586
      ],
      [
        0.0,
        0.0,
        0.0,
        1.0
      ]
    ],
    "dcmmeta_reorient_transform": [
      [
        0.0,
        -1.0,
        0.0,
        103.0
      ],
      [
        1.0,
        0.0,
        0.0,
        0.0
      ],
      [
        0.0,
        0.0,
        1.0,
        0.0
      ],
      [
        0.0,
        0.0,
        0.0,
        1.0
      ]
    ],
    "dcmmeta_shape": [
      104,
      104,
      66,
      192
    ],
    "dcmmeta_slice_dim": 2,
    "dcmmeta_version": 0.6,
    "global": {
      "const": {
        "AccessionNumber": "juoe4h70",
        "AcquisitionMatrix": [
          104,
          0,
          0,
          104
        ],
        "AngioFlag": "N",
        "BitsAllocated": 16,
        "BitsStored": 16,
        "BodyPartExamined": "BRAIN",
        "Columns": 936,
        "EchoNumbers": 1,
        "EchoTime": 37.0,
        "EchoTrainLength": 104,
        "FlipAngle": 68.0,
        "HighBit": 15,
        "ImageOrientationPatient": [
          0.99657653322473,
          0.05901261459881,
          -0.0579027179327,
          -0.0770322924479,
          0.9171025230861,
          -0.3911380677834
        ],
        "ImagePositionPatient": [
          -863.79214994481,
          -959.99523600564,
          363.6570643463
        ],
        "ImageType": [
          "ORIGINAL",
          "PRIMARY",
          "M",
          "MB",
          "ND",
          "MOSAIC"
        ],
        "ImagedNucleus": "1H",
        "ImagingFrequency": 123.1908,
        "InPlanePhaseEncodingDirection": "COL",
        "MRAcquisitionType": "2D",
        "MagneticFieldStrength": 3.0,
        "Manufacturer": "SIEMENS",
        "ManufacturerModelName": "Prisma",
        "Modality": "MR",
        "NumberOfAverages": 1.0,
        "NumberOfPhaseEncodingSteps": 104,
        "PercentPhaseFieldOfView": 100.0,
        "PercentSampling": 100.0,
        "PerformedProcedureStepStartTime": "181438.603000",
        "PhotometricInterpretation": "MONOCHROME2",
        "PixelBandwidth": 2290.0,
        "PixelRepresentation": 0,
        "PixelSpacing": [
          2.0,
          2.0
        ],
        "ProtocolName": "cmrr_mbepi_s6_2mm_66sl_PA_task-prf",
        "RepetitionTime": 1000.0,
        "Rows": 936,
        "SAR": 0.08288520553617,
        "SamplesPerPixel": 1,
        "ScanOptions": "FS",
        "ScanningSequence": "EP",
        "SequenceName": "epfid2d1_104",
        "SequenceVariant": [
          "SK",
          "SS"
        ],
        "SeriesDescription": "cmrr_mbepi_s6_2mm_66sl_PA_task-prf",
        "SeriesNumber": 12,
        "SeriesTime": "183428.625000",
        "SliceLocation": -70.396556808517,
        "SliceThickness": 2.0,
        "SmallestImagePixelValue": 0,
        "SoftwareVersions": "syngo MR E11",
        "SpacingBetweenSlices": 2.0000000053617,
        "SpecificCharacterSet": "ISO_IR 100",
        "StudyID": "1",
        "StudyTime": "181438.533000",
        "TransmitCoilName": "Body",
        "VariableFlipAngleFlag": "N",
        "WindowCenterWidthExplanation": "Algo1",
        "dBdt": 0.0
      },
