{
  "aor": 0.0015382198952879585,
  "aqi": 0.011938931780104713,
  "bids_meta": {
    "AcquisitionMatrixPE": 104,
    "AcquisitionNumber": 1,
    "AcquisitionTime": "15:11:46.562500",
    "BandwidthPerPixelPhaseEncode": 16.297,
    "BaseResolution": 104,
    "BodyPartExamined": "BRAIN",
    "CogAtlasID": "doi:TODO",
    "ConsistencyInfo": "N4_VE11C_LATEST_20160120",
    "ConversionSoftware": "dcm2niix",
    "ConversionSoftwareVersion": "v1.0.20190902",
    "DerivedVendorReportedEchoSpacing": 0.000590009,
    "DeviceSerialNumber": "166018",
    "DwellTime": 2.1e-06,
    "EchoTime": 0.0376,
    "EchoTrainLength": 104,
    "EffectiveEchoSpacing": 0.000590009,
    "FlipAngle": 68,
    "ImageComments": "Unaliased_MB6_PE3_LB",
    "ImageOrientationPatientDICOM": [
      0.999966,
      -0.00497421,
      0.00660377,
      0.00628303,
      0.976385,
      -0.215949
    ],
    "ImageType": [
      "ORIGINAL",
      "PRIMARY",
      "M",
      "MB",
      "ND",
      "MOSAIC"
    ],
    "ImagingFrequency": 123.191,
    "InPlanePhaseEncodingDirectionDICOM": "COL",
    "InstitutionAddress": "Washington_Place_6_NYC_NYC_US_10003",
    "InstitutionName": "NYU_Center_for_Brain_Imaging",
    "InstitutionalDepartmentName": "Department",
    "MRAcquisitionType": "2D",
    "MagneticFieldStrength": 3,
    "Manufacturer": "Siemens",
    "ManufacturersModelName": "Prisma",
    "Modality": "MR",
    "MultibandAccelerationFactor": 6,
    "NumberOfVolumes": 192,
    "PartialFourier": 1,
    "PatientPosition": "HFS",
    "PercentPhaseFOV": 100,
    "PhaseEncodingDirection": "j",
    "PhaseEncodingSteps": 104,
    "PhaseResolution": 1,
    "PixelBandwidth": 2290,
    "ProcedureStepDescription": "Investigators_Winawer",
    "ProtocolName": "cmrr_mbepi_s6_2mm_66sl_PA_task-prf",
    "PulseSequenceDetails": "%CustomerSeq%_cmrr_mbep2d_bold",
    "ReceiveCoilActiveElements": "HC1-7",
    "ReceiveCoilName": "HeadNeck_64",
    "ReconMatrixPE": 104,
    "RepetitionTime": 1,
    "SAR": 0.0775787,
    "ScanOptions": "FS",
    "ScanningSequence": "EP",
    "SequenceName": "epfid2d1_104",
    "SequenceVariant": "SK_SS",
    "SeriesDescription": "cmrr_mbepi_s6_2mm_66sl_PA_task-prf",
    "SeriesNumber": 28,
    "ShimSetting": [
      248,
      -12599,
      -8432,
      410,
      -68,
      -15,
      -73,
      -19
    ],
    "SliceThickness": 2,
    "SliceTiming": [
      0,
      0.535,
      0.0875,
      0.6225,
      0.1775,
      0.7125,
      0.2675,
      0.8,
      0.355,
      0.89,
      0.445,
      0,
      0.535,
      0.0875,
      0.6225,
      0.1775,
      0.7125,
      0.2675,
      0.8,
      0.355,
      0.89,
      0.445,
      0,
      0.535,
      0.0875,
      0.6225,
      0.1775,
      0.7125,
      0.2675,
      0.8,
      0.355,
      0.89,
      0.445,
      0,
      0.535,
      0.0875,
      0.6225,
      0.1775,
      0.7125,
      0.2675,
      0.8,
      0.355,
      0.89,
      0.445,
      0,
      0.535,
      0.0875,
      0.6225,
      0.1775,
      0.7125,
      0.2675,
      0.8,
      0.355,
      0.89,
      0.445,
      0,
      0.535,
      0.0875,
      0.6225,
      0.1775,
      0.7125,
      0.2675,
      0.8,
      0.355,
      0.89,
      0.445
    ],
    "SoftwareVersions": "syngo_MR_E11",
    "SpacingBetweenSlices": 2,
    "StationName": "AWP166018",
    "TaskName": "prf",
    "TotalReadoutTime": 0.060771,
    "TxRefAmp": 267.495,
    "VendorReportedEchoSpacing": 0.00059,
    "WipMemBlock": "8ef6ec9f-e1da-4b64-ae86-497b89904070||Sequence: R016 ve11c/master r/8780670; Nov 27 2017 15:05:12 by eja",
    "acq_id": "PA",
    "dataset": "unknown",
    "dcmmeta_affine": [
      [
        -1.9999316930770874,
        0.012566065415740013,
        0.010747287422418594,
        105.10359954833984
      ],
      [
        0.009948423132300377,
        1.9527690410614014,
        -0.4319654107093811,
        -64.03707122802734
      ],
      [
        0.013207538984715939,
        0.43189719319343567,
        1.9527647495269775,
        -79.63056182861328
      ],
      [
        0.0,
        0.0,
        0.0,
        1.0
      ]
    ],
    "dcmmeta_reorient_transform": [
      [
        0.0,
        -1.0,
        0.0,
        103.0
      ],
      [
        1.0,
        0.0,
        0.0,
        0.0
      ],
      [
        0.0,
        0.0,
        1.0,
        0.0
      ],
      [
        0.0,
        0.0,
        0.0,
        1.0
      ]
    ],
    "dcmmeta_shape": [
      104,
      104,
      66,
      192
    ],
    "dcmmeta_slice_dim": 2,
    "dcmmeta_version": 0.6,
    "global": {
      "const": {
        "AccessionNumber": "kr5f3gr7",
        "AcquisitionMatrix": [
          104,
          0,
          0,
          104
        ],
        "AngioFlag": "N",
        "BitsAllocated": 16,
        "BitsStored": 16,
        "BodyPartExamined": "BRAIN",
        "Columns": 936,
        "EchoNumbers": 1,
        "EchoTime": 37.6,
        "EchoTrainLength": 104,
        "FlipAngle": 68.0,
        "HighBit": 15,
        "ImageOrientationPatient": [
          0.99996582313977,
          -0.0049742117076,
          0.00660376940018,
          0.00628303279754,
          0.97638451694328,
          -0.215948601691
        ],
        "ImagePositionPatient": [
          -943.59695612437,
          -945.31151405382,
          139.02975176322
        ],
        "ImageType": [
          "ORIGINAL",
          "PRIMARY",
          "M",
          "MB",
          "ND",
          "MOSAIC"
        ],
        "ImagedNucleus": "1H",
        "ImagingFrequency": 123.190615,
        "InPlanePhaseEncodingDirection": "COL",
        "MRAcquisitionType": "2D",
        "MagneticFieldStrength": 3.0,
        "Manufacturer": "SIEMENS",
        "ManufacturerModelName": "Prisma",
        "Modality": "MR",
        "NumberOfAverages": 1.0,
        "NumberOfPhaseEncodingSteps": 104,
        "PercentPhaseFieldOfView": 100.0,
        "PercentSampling": 100.0,
        "PerformedProcedureStepStartTime": "142210.868000",
        "PhotometricInterpretation": "MONOCHROME2",
        "PixelBandwidth": 2290.0,
        "PixelRepresentation": 0,
        "PixelSpacing": [
          2.0,
          2.0
        ],
        "ProtocolName": "cmrr_mbepi_s6_2mm_66sl_PA_task-prf",
        "RepetitionTime": 1000.0,
        "Rows": 936,
        "SAR": 0.07757868287475,
        "SamplesPerPixel": 1,
        "ScanOptions": "FS",
        "ScanningSequence": "EP",
        "SequenceName": "epfid2d1_104",
        "SequenceVariant": [
          "SK",
          "SS"
        ],
        "SeriesDescription": "cmrr_mbepi_s6_2mm_66sl_PA_task-prf",
        "SeriesNumber": 28,
        "SeriesTime": "151250.257000",
        "SliceLocation": -63.354188394136,
        "SliceThickness": 2.0,
        "SmallestImagePixelValue": 0,
        "SoftwareVersions": "syngo MR E11",
        "SpacingBetweenSlices": 1.9999999142616,
        "SpecificCharacterSet": "ISO_IR 100",
        "StudyID": "1",
        "StudyTime": "142210.805000",
        "TransmitCoilName": "Body",
        "VariableFlipAngleFlag": "N",
        "WindowCenterWidthExplanation": "Algo1",
        "dBdt": 0.0
      },
