{
  "bids_meta": {
    "AcquisitionMatrixPE": 300,
    "AcquisitionNumber": 1,
    "AcquisitionTime": "15:37:28.677500",
    "BaseResolution": 320,
    "BodyPartExamined": "BRAIN",
    "CoilString": "HC1-7;NC1_2",
    "ConsistencyInfo": "N4_VE11C_LATEST_20160120",
    "ConversionSoftware": "dcm2niix",
    "ConversionSoftwareVersion": "v1.0.20190902",
    "DeviceSerialNumber": "166018",
    "DwellTime": 7.4e-06,
    "EchoTime": 0.00224,
    "FlipAngle": 8,
    "ImageOrientationPatientDICOM": [
      -0.0616084,
      0.996604,
      -0.0546342,
      -0.0685133,
      -0.0588317,
      -0.995914
    ],
    "ImageType": [
      "ORIGINAL",
      "PRIMARY",
      "M",
      "ND",
      "NORM"
    ],
    "ImagingFrequency": 123.191,
    "InPlanePhaseEncodingDirectionDICOM": "ROW",
    "InstitutionAddress": "Washington_Place_6_NYC_NYC_US_10003",
    "InstitutionName": "NYU_-_CBI",
    "InstitutionalDepartmentName": "Department",
    "InversionTime": 1.06,
    "MRAcquisitionType": "3D",
    "MagneticFieldStrength": 3,
    "Manufacturer": "Siemens",
    "ManufacturersModelName": "Prisma",
    "Modality": "MR",
    "ParallelReductionFactorInPlane": 2,
    "PartialFourier": 1,
    "PatientPosition": "HFS",
    "PercentPhaseFOV": 93.75,
    "PhaseEncodingSteps": 299,
    "PhaseResolution": 1,
    "PixelBandwidth": 210,
    "ProcedureStepDescription": "Investigators_Winawer",
    "ProtocolName": "T1_MPRAGE",
    "PulseSequenceDetails": "%SiemensSeq%_tfl",
    "ReceiveCoilActiveElements": "HC1-7;NC1,2",
    "ReceiveCoilName": "HeadNeck_64",
    "ReconMatrixPE": 300,
    "RefLinesPE": 32,
    "RepetitionTime": 2.4,
    "SAR": 0.0478895,
    "ScanOptions": "IR",
    "ScanningSequence": "GR_IR",
    "SequenceName": "_tfl3d1_16ns",
    "SequenceVariant": "SK_SP_MP",
    "SeriesDescription": "T1_MPRAGE",
    "SeriesNumber": 43,
    "ShimSetting": [
      245,
      -12643,
      -8515,
      88,
      -45,
      -423,
      107,
      46
    ],
    "SliceThickness": 0.8,
    "SoftwareVersions": "syngo_MR_E11",
    "StationName": "AWP166018",
    "TxRefAmp": 219.82,
    "acq_id": "highres",
    "dataset": "unknown",
    "dcmmeta_affine": [
      [
        0.7965969443321228,
        -0.04928670823574066,
        -0.05481063202023506,
        -61.019981384277344
      ],
      [
        0.04609079658985138,
        0.7972832322120667,
        -0.0470653660595417,
        -96.7476806640625
      ],
      [
        0.05752411484718323,
        0.04370732232928276,
        0.7967312335968018,
        -158.26707458496094
      ],
      [
        0.0,
        0.0,
        0.0,
        1.0
      ]
    ],
    "dcmmeta_reorient_transform": [
      [
        0.0,
        0.0,
        -1.0,
        319.0
      ],
      [
        0.0,
        -1.0,
        0.0,
        299.0
      ],
      [
        -1.0,
        0.0,
        0.0,
        191.0
      ],
      [
        0.0,
        0.0,
        0.0,
        1.0
      ]
    ],
    "dcmmeta_shape": [
      192,
      300,
      320
    ],
    "dcmmeta_slice_dim": 0,
    "dcmmeta_version": 0.6,
    "global": {
      "const": {
        "AccessionNumber": "juLtgji7",
        "AcquisitionMatrix": [
          0,
          320,
          300,
          0
        ],
        "AcquisitionNumber": 1,
        "AcquisitionTime": "153728.677500",
        "AngioFlag": "N",
        "BitsAllocated": 16,
        "BitsStored": 12,
        "BodyPartExamined": "BRAIN",
        "Columns": 300,
        "EchoNumbers": 1,
        "EchoTime": 2.24,
        "EchoTrainLength": 1,
        "FlipAngle": 8.0,
        "HighBit": 11,
        "ImageOrientationPatient": [
          -0.0616083866459,
          0.99660399163852,
          -0.0546341518197,
          -0.0685132882977,
          -0.0588317045602,
          -0.9959140323668
        ],
        "ImageType": [
          "ORIGINAL",
          "PRIMARY",
          "M",
          "ND",
          "NORM"
        ],
        "ImagedNucleus": "1H",
        "ImagingFrequency": 123.19105,
        "InPlanePhaseEncodingDirection": "ROW",
        "InversionTime": 1060.0,
        "MRAcquisitionType": "3D",
        "MagneticFieldStrength": 3.0,
        "Manufacturer": "SIEMENS",
        "ManufacturerModelName": "Prisma",
        "Modality": "MR",
        "NumberOfAverages": 1.0,
        "NumberOfPhaseEncodingSteps": 299,
        "PercentPhaseFieldOfView": 93.75,
        "PercentSampling": 100.0,
        "PerformedProcedureStepStartTime": "145457.116000",
        "PhotometricInterpretation": "MONOCHROME2",
        "PixelBandwidth": 210.0,
        "PixelRepresentation": 0,
        "PixelSpacing": [
          0.80000001192093,
          0.80000001192093
        ],
        "ProtocolName": "T1_MPRAGE",
        "RepetitionTime": 2400.0,
        "Rows": 320,
        "SAR": 0.04788952677345,
        "SamplesPerPixel": 1,
        "ScanOptions": "IR",
        "ScanningSequence": [
          "GR",
          "IR"
        ],
        "SequenceName": "*tfl3d1_16ns",
        "SequenceVariant": [
          "SK",
          "SP",
          "MP"
        ],
        "SeriesDescription": "T1_MPRAGE",
        "SeriesNumber": 43,
        "SeriesTime": "154413.699000",
        "SliceThickness": 0.80000001192093,
        "SmallestImagePixelValue": 0,
        "SoftwareVersions": "syngo MR E11",
        "SpecificCharacterSet": "ISO_IR 100",
        "StudyID": "1",
        "StudyTime": "145457.069000",
        "TransmitCoilName": "Body",
        "VariableFlipAngleFlag": "N",
        "WindowCenterWidthExplanation": "Algo1",
        "dBdt": 0.0
      },
