{
  "bids_meta": {
    "AcquisitionMatrixPE": 300,
    "AcquisitionNumber": 1,
    "AcquisitionTime": "16:22:33.825000",
    "BaseResolution": 320,
    "BodyPartExamined": "BRAIN",
    "CoilString": "HC1-7;NC1_2",
    "ConsistencyInfo": "N4_VE11C_LATEST_20160120",
    "ConversionSoftware": "dcm2niix",
    "ConversionSoftwareVersion": "v1.0.20190902",
    "DeviceSerialNumber": "166018",
    "DwellTime": 7.4e-06,
    "EchoTime": 0.00224,
    "FlipAngle": 8,
    "ImageOrientationPatientDICOM": [
      0.0664969,
      0.994685,
      -0.0786098,
      0.0190882,
      -0.080038,
      -0.996609
    ],
    "ImageType": [
      "ORIGINAL",
      "PRIMARY",
      "M",
      "ND",
      "NORM"
    ],
    "ImagingFrequency": 123.191,
    "InPlanePhaseEncodingDirectionDICOM": "ROW",
    "InstitutionAddress": "Washington_Place_6_NYC_NYC_US_10003",
    "InstitutionName": "NYU_-_CBI",
    "InstitutionalDepartmentName": "Department",
    "InversionTime": 1.06,
    "MRAcquisitionType": "3D",
    "MagneticFieldStrength": 3,
    "Manufacturer": "Siemens",
    "ManufacturersModelName": "Prisma",
    "Modality": "MR",
    "ParallelReductionFactorInPlane": 2,
    "PartialFourier": 1,
    "PatientPosition": "HFS",
    "PercentPhaseFOV": 93.75,
    "PhaseEncodingSteps": 299,
    "PhaseResolution": 1,
    "PixelBandwidth": 210,
    "ProcedureStepDescription": "Investigators_Winawer",
    "ProtocolName": "T1_MPRAGE",
    "PulseSequenceDetails": "%SiemensSeq%_tfl",
    "ReceiveCoilActiveElements": "HC1-7;NC1,2",
    "ReceiveCoilName": "HeadNeck_64",
    "ReconMatrixPE": 300,
    "RefLinesPE": 32,
    "RepetitionTime": 2.4,
    "SAR": 0.0468221,
    "ScanOptions": "IR",
    "ScanningSequence": "GR_IR",
    "SequenceName": "_tfl3d1_16ns",
    "SequenceVariant": "SK_SP_MP",
    "SeriesDescription": "T1_MPRAGE",
    "SeriesNumber": 24,
    "ShimSetting": [
      261,
      -12574,
      -8562,
      -169,
      -17,
      -10,
      163,
      -26
    ],
    "SliceThickness": 0.8,
    "SoftwareVersions": "syngo_MR_E11",
    "StationName": "AWP166018",
    "TxRefAmp": 230.453,
    "acq_id": "highres",
    "dataset": "unknown",
    "dcmmeta_affine": [
      [
        0.7980832457542419,
        0.053197555243968964,
        0.015270579606294632,
        -84.28560638427734
      ],
      [
        -0.05181674659252167,
        0.7957481741905212,
        -0.06403037905693054,
        -90.03319549560547
      ],
      [
        -0.019447244703769684,
        0.06288787722587585,
        0.7972872257232666,
        -142.15841674804688
      ],
      [
        0.0,
        0.0,
        0.0,
        1.0
      ]
    ],
    "dcmmeta_reorient_transform": [
      [
        0.0,
        0.0,
        -1.0,
        319.0
      ],
      [
        0.0,
        -1.0,
        0.0,
        299.0
      ],
      [
        -1.0,
        0.0,
        0.0,
        191.0
      ],
      [
        0.0,
        0.0,
        0.0,
        1.0
      ]
    ],
    "dcmmeta_shape": [
      192,
      300,
      320
    ],
    "dcmmeta_slice_dim": 0,
    "dcmmeta_version": 0.6,
    "global": {
      "const": {
        "AccessionNumber": "jn1sdfzq",
        "AcquisitionMatrix": [
          0,
          320,
          300,
          0
        ],
        "AcquisitionNumber": 1,
        "AcquisitionTime": "162233.825000",
        "AngioFlag": "N",
        "BitsAllocated": 16,
        "BitsStored": 12,
        "BodyPartExamined": "BRAIN",
        "Columns": 300,
        "EchoNumbers": 1,
        "EchoTime": 2.24,
        "EchoTrainLength": 1,
        "FlipAngle": 8.0,
        "HighBit": 11,
        "ImageOrientationPatient": [
          0.06649694073964,
          0.99468520135663,
          -0.0786098408241,
          0.01908822388039,
          -0.0800379715703,
          -0.9966090320763
        ],
        "ImageType": [
          "ORIGINAL",
          "PRIMARY",
          "M",
          "ND",
          "NORM"
        ],
        "ImagedNucleus": "1H",
        "ImagingFrequency": 123.191075,
        "InPlanePhaseEncodingDirection": "ROW",
        "InversionTime": 1060.0,
        "MRAcquisitionType": "3D",
        "MagneticFieldStrength": 3.0,
        "Manufacturer": "SIEMENS",
        "ManufacturerModelName": "Prisma",
        "Modality": "MR",
        "NumberOfAverages": 1.0,
        "NumberOfPhaseEncodingSteps": 299,
        "PercentPhaseFieldOfView": 93.75,
        "PercentSampling": 100.0,
        "PerformedProcedureStepStartTime": "150835.393000",
        "PhotometricInterpretation": "MONOCHROME2",
        "PixelBandwidth": 210.0,
        "PixelRepresentation": 0,
        "PixelSpacing": [
          0.80000001192093,
          0.80000001192093
        ],
        "ProtocolName": "T1_MPRAGE",
        "RepetitionTime": 2400.0,
        "Rows": 320,
        "SAR": 0.04682207810915,
        "SamplesPerPixel": 1,
        "ScanOptions": "IR",
        "ScanningSequence": [
          "GR",
          "IR"
        ],
        "SequenceName": "*tfl3d1_16ns",
        "SequenceVariant": [
          "SK",
          "SP",
          "MP"
        ],
        "SeriesDescription": "T1_MPRAGE",
        "SeriesNumber": 24,
        "SeriesTime": "162918.967000",
        "SliceThickness": 0.80000001192093,
        "SmallestImagePixelValue": 0,
        "SoftwareVersions": "syngo MR E11",
        "SpecificCharacterSet": "ISO_IR 100",
        "StudyID": "1",
        "StudyTime": "150835.280000",
        "TransmitCoilName": "Body",
        "VariableFlipAngleFlag": "N",
        "WindowCenterWidthExplanation": "Algo1",
        "dBdt": 0.0
      },
