{
  "AcquisitionMatrixPE": 104,
  "AcquisitionNumber": 1,
  "AcquisitionTime": "13:26:45.707500",
  "BandwidthPerPixelPhaseEncode": 16.578,
  "BaseResolution": 104,
  "BodyPartExamined": "BRAIN",
  "ConsistencyInfo": "N4_VE11C_LATEST_20160120",
  "ConversionSoftware": "dcm2niix",
  "ConversionSoftwareVersion": "v1.0.20190902",
  "DerivedVendorReportedEchoSpacing": 0.000580009,
  "DeviceSerialNumber": "166018",
  "DwellTime": 2.1e-06,
  "EchoTime": 0.037,
  "EchoTrainLength": 104,
  "EffectiveEchoSpacing": 0.000580009,
  "FlipAngle": 68,
  "ImageComments": "Single-band_reference",
  "ImageOrientationPatientDICOM": [0.999487, 0.0261597, -0.018501, -0.0287911, 0.986645, -0.160318],
  "ImageType": [
    "ORIGINAL",
    "PRIMARY",
    "M",
    "ND",
    "MOSAIC"
],
  "ImagingFrequency": 123.191,
  "InPlanePhaseEncodingDirectionDICOM": "COL",
  "InstitutionAddress": "Washington_Place_6_NYC_NYC_US_10003",
  "InstitutionName": "NYU_Center_for_Brain_Imaging",
  "InstitutionalDepartmentName": "Department",
  "MRAcquisitionType": "2D",
  "MagneticFieldStrength": 3,
  "Manufacturer": "Siemens",
  "ManufacturersModelName": "Prisma",
  "Modality": "MR",
  "PartialFourier": 1,
  "PatientPosition": "HFS",
  "PercentPhaseFOV": 100,
  "PhaseEncodingDirection": "j",
  "PhaseEncodingSteps": 104,
  "PhaseResolution": 1,
  "PixelBandwidth": 2290,
  "ProcedureStepDescription": "Investigators_Winawer",
  "ProtocolName": "cmrr_mbepi_s6_2mm_66sl_PA_TR1.0",
  "PulseSequenceDetails": "%CustomerSeq%_cmrr_mbep2d_bold",
  "ReceiveCoilActiveElements": "HC1-7",
  "ReceiveCoilName": "HeadNeck_64",
  "ReconMatrixPE": 104,
  "RepetitionTime": 1,
  "SAR": 0.0625584,
  "ScanOptions": "FS",
  "ScanningSequence": "EP",
  "SequenceName": "epfid2d1_104",
  "SequenceVariant": "SK_SS",
  "SeriesDescription": "cmrr_mbepi_s6_2mm_66sl_PA_TR1.0_SBRef",
  "SeriesNumber": 21,
  "ShimSetting": [257, -12631, -8447, 449, 1, -16, 86, 38],
  "SliceThickness": 2,
  "SliceTiming": [0, 0.09, 0.18, 0.2675, 0.3575, 0.4475, 0.535, 0.625, 0.7125, 0.8025, 0.8925, 0.98, 1.07, 1.16, 1.2475, 1.3375, 1.4275, 1.515, 1.605, 1.6925, 1.7825, 1.8725, 1.96, 2.05, 2.14, 2.2275, 2.3175, 2.405, 2.495, 2.585, 2.6725, 2.7625, 2.8525, 2.94, 3.03, 3.12, 3.2075, 3.2975, 3.385, 3.475, 3.565, 3.6525, 3.7425, 3.8325, 3.92, 4.01, 4.0975, 4.1875, 4.2775, 4.365, 4.455, 4.545, 4.6325, 4.7225, 4.8125, 4.9, 4.99, 5.0775, 5.1675, 5.2575, 5.345, 5.435, 5.525, 5.6125, 5.7025, 5.79],
  "SoftwareVersions": "syngo_MR_E11",
  "SpacingBetweenSlices": 2,
  "StationName": "AWP166018",
  "TaskName": "prf",
  "TotalReadoutTime": 0.0597409,
  "TxRefAmp": 214.37,
  "WipMemBlock": "a4c1368d-2d9e-421c-bef0-67749b76a42c||Sequence: ve11c/master r/ab69a6c; Apr 19 2017 09:47:47 by eja",
  "dcmmeta_affine": [
    [-1.9989731311798096, -0.05758224427700043, -0.02812008000910282, 113.10984802246094],
    [-0.05231931060552597, 1.9732909202575684, -0.32153627276420593, -77.13788604736328],
    [-0.03700193762779236, 0.320635586977005, 1.97378408908844, -64.35639953613281],
    [0.0, 0.0, 0.0, 1.0]
],
  "dcmmeta_reorient_transform": [
    [0.0, -1.0, 0.0, 103.0],
    [1.0, 0.0, 0.0, 0.0],
    [0.0, 0.0, 1.0, 0.0],
    [0.0, 0.0, 0.0, 1.0]
],
  "dcmmeta_shape": [104, 104, 66],
  "dcmmeta_slice_dim": 2,
  "dcmmeta_version": 0.6,
  "global": {
    "const": {
      "AccessionNumber": "j94gwt7u",
      "AcquisitionMatrix": [104, 0, 0, 104],
      "AcquisitionNumber": 1,
      "AcquisitionTime": "132645.707500",
      "AngioFlag": "N",
      "BitsAllocated": 16,
      "BitsStored": 16,
      "BodyPartExamined": "BRAIN",
      "Columns": 936,
      "ContentTime": "132759.984000",
      "EchoNumbers": 1,
      "EchoTime": 37.0,
      "EchoTrainLength": 104,
      "FlipAngle": 68.0,
      "HighBit": 15,
      "ImageOrientationPatient": [0.99948656147083, 0.02615965539129, -0.0185009694077, -0.0287911223546, 0.98664546758569, -0.1603177861816],
      "ImagePositionPatient": [-914.79748492973, -968.76494538722, 117.44626990449],
      "ImageType": [
        "ORIGINAL",
        "PRIMARY",
        "M",
        "ND",
        "MOSAIC"
],
      "ImagedNucleus": "1H",
      "ImagingFrequency": 123.191227,
      "InPlanePhaseEncodingDirection": "COL",
      "InstanceCreationTime": "132759.984000",
      "InstanceNumber": 1,
      "LargestImagePixelValue": 65535,
      "MRAcquisitionType": "2D",
      "MagneticFieldStrength": 3.0,
      "Manufacturer": "SIEMENS",
      "ManufacturerModelName": "Prisma",
      "Modality": "MR",
      "NumberOfAverages": 1.0,
      "NumberOfPhaseEncodingSteps": 104,
      "PercentPhaseFieldOfView": 100.0,
      "PercentSampling": 100.0,
      "PerformedProcedureStepStartTime": "124416.153000",
      "PhotometricInterpretation": "MONOCHROME2",
      "PixelBandwidth": 2290.0,
      "PixelRepresentation": 0,
      "PixelSpacing": [2.0, 2.0],
      "ProtocolName": "cmrr_mbepi_s6_2mm_66sl_PA_TR1.0",
      "RepetitionTime": 1000.0,
      "Rows": 936,
      "SAR": 0.0625584192918,
      "SamplesPerPixel": 1,
      "ScanOptions": "FS",
      "ScanningSequence": "EP",
      "SequenceName": "epfid2d1_104",
      "SequenceVariant": [
        "SK",
        "SS"
],
      "SeriesDescription": "cmrr_mbepi_s6_2mm_66sl_PA_TR1.0_SBRef",
      "SeriesNumber": 21,
      "SeriesTime": "132759.980000",
      "SliceLocation": -52.70183357968,
      "SliceThickness": 2.0,
      "SmallestImagePixelValue": 0,
      "SoftwareVersions": "syngo MR E11",
      "SpacingBetweenSlices": 2.0000000044048,
      "SpecificCharacterSet": "ISO_IR 100",
      "StudyID": "2",
      "StudyTime": "124416.101000",
      "TransmitCoilName": "Body",
      "VariableFlipAngleFlag": "N",
      "WindowCenter": 11929.0,
      "WindowCenterWidthExplanation": "Algo1",
      "WindowWidth": 25720.0,
      "dBdt": 0.0},
    "slices": {}
  }
}