{
  "AcquisitionMatrixPE": 104,
  "AcquisitionNumber": 1,
  "AcquisitionTime": "16:12:10.867500",
  "BandwidthPerPixelPhaseEncode": 16.578,
  "BaseResolution": 104,
  "BodyPartExamined": "BRAIN",
  "ConsistencyInfo": "N4_VE11C_LATEST_20160120",
  "ConversionSoftware": "dcm2niix",
  "ConversionSoftwareVersion": "v1.0.20190902",
  "DerivedVendorReportedEchoSpacing": 0.000580009,
  "DeviceSerialNumber": "166018",
  "DwellTime": 2.1e-06,
  "EchoTime": 0.037,
  "EchoTrainLength": 104,
  "EffectiveEchoSpacing": 0.000580009,
  "FlipAngle": 68,
  "ImageComments": "Unaliased_MB6_PE3_LB",
  "ImageOrientationPatientDICOM": [0.994662, 0.0872356, -0.0551188, -0.0941984, 0.98568, -0.139863],
  "ImageType": [
    "ORIGINAL",
    "PRIMARY",
    "M",
    "MB",
    "ND",
    "MOSAIC"
],
  "ImagingFrequency": 123.191,
  "InPlanePhaseEncodingDirectionDICOM": "COL",
  "InstitutionAddress": "Washington_Place_6_NYC_NYC_US_10003",
  "InstitutionName": "NYU_-_CBI",
  "InstitutionalDepartmentName": "Department",
  "MRAcquisitionType": "2D",
  "MagneticFieldStrength": 3,
  "Manufacturer": "Siemens",
  "ManufacturersModelName": "Prisma",
  "Modality": "MR",
  "MultibandAccelerationFactor": 6,
  "PartialFourier": 1,
  "PatientPosition": "HFS",
  "PercentPhaseFOV": 100,
  "PhaseEncodingDirection": "j",
  "PhaseEncodingSteps": 104,
  "PhaseResolution": 1,
  "PixelBandwidth": 2290,
  "ProcedureStepDescription": "Investigators_Winawer",
  "ProtocolName": "cmrr_mbepi_s6_2mm_66sl_PA_TR1.0",
  "PulseSequenceDetails": "%CustomerSeq%_cmrr_mbep2d_bold",
  "ReceiveCoilActiveElements": "HC1-7",
  "ReceiveCoilName": "HeadNeck_64",
  "ReconMatrixPE": 104,
  "RepetitionTime": 1,
  "SAR": 0.0659502,
  "ScanOptions": "FS",
  "ScanningSequence": "EP",
  "SequenceName": "epfid2d1_104",
  "SequenceVariant": "SK_SS",
  "SeriesDescription": "cmrr_mbepi_s6_2mm_66sl_PA_TR1.0",
  "SeriesNumber": 12,
  "ShimSetting": [241, -12547, -8420, 485, 0, 51, 4, 0],
  "SliceThickness": 2,
  "SliceTiming": [0, 0.535, 0.09, 0.625, 0.18, 0.7125, 0.2675, 0.8025, 0.3575, 0.8925, 0.4475, 0, 0.535, 0.09, 0.625, 0.18, 0.7125, 0.2675, 0.8025, 0.3575, 0.8925, 0.4475, 0, 0.535, 0.09, 0.625, 0.18, 0.7125, 0.2675, 0.8025, 0.3575, 0.8925, 0.4475, 0, 0.535, 0.09, 0.625, 0.18, 0.7125, 0.2675, 0.8025, 0.3575, 0.8925, 0.4475, 0, 0.535, 0.09, 0.625, 0.18, 0.7125, 0.2675, 0.8025, 0.3575, 0.8925, 0.4475, 0, 0.535, 0.09, 0.625, 0.18, 0.7125, 0.2675, 0.8025, 0.3575, 0.8925, 0.4475],
  "SoftwareVersions": "syngo_MR_E11",
  "SpacingBetweenSlices": 2,
  "StationName": "AWP166018",
  "TaskName": "prf",
  "TotalReadoutTime": 0.0597409,
  "TxRefAmp": 222.975,
  "WipMemBlock": "de7f3387-ebe6-4833-97aa-963b9301bd2c||Sequence: ve11c/master r/ab69a6c; Apr 19 2017 09:47:47 by eja",
  "dcmmeta_affine": [
    [-1.989323377609253, -0.18839670717716217, -0.0842568650841713, 121.69368743896484],
    [-0.17447121441364288, 1.9713598489761353, -0.288617879152298, -59.11256790161133],
    [-0.11023762822151184, 0.27972692251205444, 1.9772709608078003, -54.93240737915039],
    [0.0, 0.0, 0.0, 1.0]
],
  "dcmmeta_reorient_transform": [
    [0.0, -1.0, 0.0, 103.0],
    [1.0, 0.0, 0.0, 0.0],
    [0.0, 0.0, 1.0, 0.0],
    [0.0, 0.0, 0.0, 1.0]
],
  "dcmmeta_shape": [104, 104, 66, 192],
  "dcmmeta_slice_dim": 2,
  "dcmmeta_version": 0.6,
  "global": {
    "const": {
      "AccessionNumber": "j7je053q",
      "AcquisitionMatrix": [104, 0, 0, 104],
      "AngioFlag": "N",
      "BitsAllocated": 16,
      "BitsStored": 16,
      "BodyPartExamined": "BRAIN",
      "Columns": 936,
      "EchoNumbers": 1,
      "EchoTime": 37.0,
      "EchoTrainLength": 104,
      "FlipAngle": 68.0,
      "HighBit": 15,
      "ImageOrientationPatient": [0.99466168403017, 0.0872356041281, -0.0551188143439, -0.094198351352, 0.9856799078889, -0.1398634683779],
      "ImagePositionPatient": [-851.47432059925, -1036.6031978124, 136.10472735755],
      "ImageType": [
        "ORIGINAL",
        "PRIMARY",
        "M",
        "MB",
        "ND",
        "MOSAIC"
],
      "ImagedNucleus": "1H",
      "ImagingFrequency": 123.191312,
      "InPlanePhaseEncodingDirection": "COL",
      "MRAcquisitionType": "2D",
      "MagneticFieldStrength": 3.0,
      "Manufacturer": "SIEMENS",
      "ManufacturerModelName": "Prisma",
      "Modality": "MR",
      "NumberOfAverages": 1.0,
      "NumberOfPhaseEncodingSteps": 104,
      "PercentPhaseFieldOfView": 100.0,
      "PercentSampling": 100.0,
      "PerformedProcedureStepStartTime": "160250.364000",
      "PhotometricInterpretation": "MONOCHROME2",
      "PixelBandwidth": 2290.0,
      "PixelRepresentation": 0,
      "PixelSpacing": [2.0, 2.0],
      "ProtocolName": "cmrr_mbepi_s6_2mm_66sl_PA_TR1.0",
      "RepetitionTime": 1000.0,
      "Rows": 936,
      "SAR": 0.06595021518919,
      "SamplesPerPixel": 1,
      "ScanOptions": "FS",
      "ScanningSequence": "EP",
      "SequenceName": "epfid2d1_104",
      "SequenceVariant": [
        "SK",
        "SS"
],
      "SeriesDescription": "cmrr_mbepi_s6_2mm_66sl_PA_TR1.0",
      "SeriesNumber": 12,
      "SeriesTime": "161333.172000",
      "SliceLocation": -50.904418915378,
      "SliceThickness": 2.0,
      "SmallestImagePixelValue": 0,
      "SoftwareVersions": "syngo MR E11",
      "SpacingBetweenSlices": 2.000000004934,
      "SpecificCharacterSet": "ISO_IR 100",
      "StudyID": "1",
      "StudyTime": "160250.303000",
      "TransmitCoilName": "Body",
      "VariableFlipAngleFlag": "N",
      "WindowCenterWidthExplanation": "Algo1",
      "dBdt": 0.0},
