{
  "aor": 0.0008450520833333334,
  "aqi": 0.0064601271875,
  "bids_meta": {
    "AcquisitionMatrixPE": 104,
    "AcquisitionNumber": 1,
    "AcquisitionTime": "09:31:14.465000",
    "BandwidthPerPixelPhaseEncode": 16.578,
    "BaseResolution": 104,
    "BodyPartExamined": "BRAIN",
    "CogAtlasID": "TODO",
    "ConsistencyInfo": "N4_VE11C_LATEST_20160120",
    "ConversionSoftware": "dcm2niix",
    "ConversionSoftwareVersion": "v1.0.20190902",
    "DerivedVendorReportedEchoSpacing": 0.000580009,
    "DeviceSerialNumber": "166018",
    "DwellTime": 2.1e-06,
    "EchoTime": 0.037,
    "EchoTrainLength": 104,
    "EffectiveEchoSpacing": 0.000580009,
    "FlipAngle": 68,
    "ImageComments": "Unaliased_MB6_PE3_LB",
    "ImageOrientationPatientDICOM": [
      0.997174,
      0.0683814,
      -0.0311172,
      -0.0727029,
      0.982713,
      -0.170265
    ],
    "ImageType": [
      "ORIGINAL",
      "PRIMARY",
      "M",
      "MB",
      "ND",
      "MOSAIC"
    ],
    "ImagingFrequency": 123.191,
    "InPlanePhaseEncodingDirectionDICOM": "COL",
    "InstitutionAddress": "Washington_Place_6_NYC_NYC_US_10003",
    "InstitutionName": "NYU_-_CBI",
    "InstitutionalDepartmentName": "Department",
    "MRAcquisitionType": "2D",
    "MagneticFieldStrength": 3,
    "Manufacturer": "Siemens",
    "ManufacturersModelName": "Prisma",
    "Modality": "MR",
    "MultibandAccelerationFactor": 6,
    "NumberOfVolumes": 192,
    "PartialFourier": 1,
    "PatientPosition": "HFS",
    "PercentPhaseFOV": 100,
    "PhaseEncodingDirection": "j",
    "PhaseEncodingSteps": 104,
    "PhaseResolution": 1,
    "PixelBandwidth": 2290,
    "ProcedureStepDescription": "Investigators_Winawer",
    "ProtocolName": "cmrr_mbepi_s6_2mm_66sl_PA_task-prf",
    "PulseSequenceDetails": "%CustomerSeq%_cmrr_mbep2d_bold",
    "ReceiveCoilActiveElements": "HC1-7",
    "ReceiveCoilName": "HeadNeck_64",
    "ReconMatrixPE": 104,
    "RepetitionTime": 1,
    "SAR": 0.0743118,
    "ScanOptions": "FS",
    "ScanningSequence": "EP",
    "SequenceName": "epfid2d1_104",
    "SequenceVariant": "SK_SS",
    "SeriesDescription": "cmrr_mbepi_s6_2mm_66sl_PA_task-prf",
    "SeriesNumber": 12,
    "ShimSetting": [
      239,
      -12590,
      -8441,
      448,
      -86,
      -143,
      -23,
      47
    ],
    "SliceThickness": 2,
    "SliceTiming": [
      0,
      0.535,
      0.09,
      0.625,
      0.18,
      0.7125,
      0.2675,
      0.8025,
      0.3575,
      0.8925,
      0.4475,
      0,
      0.535,
      0.09,
      0.625,
      0.18,
      0.7125,
      0.2675,
      0.8025,
      0.3575,
      0.8925,
      0.4475,
      0,
      0.535,
      0.09,
      0.625,
      0.18,
      0.7125,
      0.2675,
      0.8025,
      0.3575,
      0.8925,
      0.4475,
      0,
      0.535,
      0.09,
      0.625,
      0.18,
      0.7125,
      0.2675,
      0.8025,
      0.3575,
      0.8925,
      0.4475,
      0,
      0.535,
      0.09,
      0.625,
      0.18,
      0.7125,
      0.2675,
      0.8025,
      0.3575,
      0.8925,
      0.4475,
      0,
      0.535,
      0.09,
      0.625,
      0.18,
      0.7125,
      0.2675,
      0.8025,
      0.3575,
      0.8925,
      0.4475
    ],
    "SoftwareVersions": "syngo_MR_E11",
    "SpacingBetweenSlices": 2,
    "StationName": "AWP166018",
    "TaskName": "prf",
    "TotalReadoutTime": 0.0597409,
    "TxRefAmp": 227.081,
    "WipMemBlock": "4342feed-4587-4f7f-b07e-e251853eec8b||Sequence: R016 ve11c/master r/8780670; Nov 27 2017 15:05:12 by eja",
    "acq_id": "PA",
    "dataset": "unknown",
    "dcmmeta_affine": [
      [
        -1.9943476915359497,
        -0.1454058289527893,
        -0.037872642278671265,
        115.68653869628906
      ],
      [
        -0.1367628127336502,
        1.9654252529144287,
        -0.3440922498703003,
        -69.1511001586914
      ],
      [
        -0.06223443150520325,
        0.34053000807762146,
        1.9698138236999512,
        -57.85879135131836
      ],
      [
        0.0,
        0.0,
        0.0,
        1.0
      ]
    ],
    "dcmmeta_reorient_transform": [
      [
        0.0,
        -1.0,
        0.0,
        103.0
      ],
      [
        1.0,
        0.0,
        0.0,
        0.0
      ],
      [
        0.0,
        0.0,
        1.0,
        0.0
      ],
      [
        0.0,
        0.0,
        0.0,
        1.0
      ]
    ],
    "dcmmeta_shape": [
      104,
      104,
      66,
      192
    ],
    "dcmmeta_slice_dim": 2,
    "dcmmeta_version": 0.6,
    "global": {
      "const": {
        "AccessionNumber": "jur4wd1m",
        "AcquisitionMatrix": [
          104,
          0,
          0,
          104
        ],
        "AngioFlag": "N",
        "BitsAllocated": 16,
        "BitsStored": 16,
        "BodyPartExamined": "BRAIN",
        "Columns": 936,
        "EchoNumbers": 1,
        "EchoTime": 37.0,
        "EchoTrainLength": 104,
        "FlipAngle": 68.0,
        "HighBit": 15,
        "ImageOrientationPatient": [
          0.99717385749444,
          0.06838140670034,
          -0.0311172162531,
          -0.0727029137918,
          0.9827126310668,
          -0.1702650024754
        ],
        "ImagePositionPatient": [
          -869.8695601759,
          -1007.7979439869,
          144.76580567999
        ],
        "ImageType": [
          "ORIGINAL",
          "PRIMARY",
          "M",
          "MB",
          "ND",
          "MOSAIC"
        ],
        "ImagedNucleus": "1H",
        "ImagingFrequency": 123.19105,
        "InPlanePhaseEncodingDirection": "COL",
        "MRAcquisitionType": "2D",
        "MagneticFieldStrength": 3.0,
        "Manufacturer": "SIEMENS",
        "ManufacturerModelName": "Prisma",
        "Modality": "MR",
        "NumberOfAverages": 1.0,
        "NumberOfPhaseEncodingSteps": 104,
        "PercentPhaseFieldOfView": 100.0,
        "PercentSampling": 100.0,
        "PerformedProcedureStepStartTime": "090429.769000",
        "PhotometricInterpretation": "MONOCHROME2",
        "PixelBandwidth": 2290.0,
        "PixelRepresentation": 0,
        "PixelSpacing": [
          2.0,
          2.0
        ],
        "ProtocolName": "cmrr_mbepi_s6_2mm_66sl_PA_task-prf",
        "RepetitionTime": 1000.0,
        "Rows": 936,
        "SAR": 0.07431180054154,
        "SamplesPerPixel": 1,
        "ScanOptions": "FS",
        "ScanningSequence": "EP",
        "SequenceName": "epfid2d1_104",
        "SequenceVariant": [
          "SK",
          "SS"
        ],
        "SeriesDescription": "cmrr_mbepi_s6_2mm_66sl_PA_task-prf",
        "SeriesNumber": 12,
        "SeriesTime": "093214.957000",
        "SliceLocation": -47.279019970817,
        "SliceThickness": 2.0,
        "SmallestImagePixelValue": 0,
        "SoftwareVersions": "syngo MR E11",
        "SpacingBetweenSlices": 2.0000000230754,
        "SpecificCharacterSet": "ISO_IR 100",
        "StudyID": "1",
        "StudyTime": "090429.665000",
        "TransmitCoilName": "Body",
        "VariableFlipAngleFlag": "N",
        "WindowCenterWidthExplanation": "Algo1",
        "dBdt": 0.0
      },
