{
  "bids_meta": {
    "AcquisitionMatrixPE": 300,
    "AcquisitionNumber": 1,
    "AcquisitionTime": "13:56:5.392500",
    "BaseResolution": 320,
    "BodyPartExamined": "BRAIN",
    "ConsistencyInfo": "N4_VE11C_LATEST_20160120",
    "ConversionSoftware": "dcm2niix",
    "ConversionSoftwareVersion": "v1.0.20190902",
    "DeviceSerialNumber": "166018",
    "DwellTime": 7.4e-06,
    "EchoTime": 0.00224,
    "FlipAngle": 8,
    "ImageOrientationPatientDICOM": [
      0.0092072,
      0.999956,
      -0.00157077,
      -0.00971933,
      -0.00148127,
      -0.999952
    ],
    "ImageType": [
      "ORIGINAL",
      "PRIMARY",
      "M",
      "ND",
      "NORM"
    ],
    "ImagingFrequency": 123.191,
    "InPlanePhaseEncodingDirectionDICOM": "ROW",
    "InstitutionAddress": "Washington_Place_6_NYC_NYC_US_10003",
    "InstitutionName": "NYU_-_CBI",
    "InstitutionalDepartmentName": "Department",
    "InversionTime": 1.06,
    "MRAcquisitionType": "3D",
    "MagneticFieldStrength": 3,
    "Manufacturer": "Siemens",
    "ManufacturersModelName": "Prisma",
    "Modality": "MR",
    "ParallelReductionFactorInPlane": 2,
    "PartialFourier": 1,
    "PatientPosition": "HFS",
    "PercentPhaseFOV": 93.75,
    "PhaseEncodingSteps": 299,
    "PhaseResolution": 1,
    "PixelBandwidth": 210,
    "ProcedureStepDescription": "Investigators_Winawer",
    "ProtocolName": "T1_MPRAGE",
    "PulseSequenceDetails": "%SiemensSeq%_tfl",
    "ReceiveCoilActiveElements": "HC1-7;NC1",
    "ReceiveCoilName": "HeadNeck_64",
    "ReconMatrixPE": 300,
    "RefLinesPE": 32,
    "RepetitionTime": 2.4,
    "SAR": 0.0372813,
    "ScanOptions": "IR",
    "ScanningSequence": "GR_IR",
    "SequenceName": "_tfl3d1_16ns",
    "SequenceVariant": "SK_SP_MP",
    "SeriesDescription": "T1_MPRAGE",
    "SeriesNumber": 21,
    "ShimSetting": [
      243,
      -12624,
      -8491,
      387,
      -93,
      -289,
      -50,
      52
    ],
    "SliceThickness": 0.8,
    "SoftwareVersions": "syngo_MR_E11",
    "StationName": "AWP166018",
    "TxRefAmp": 206.833,
    "acq_id": "highres",
    "dataset": "unknown",
    "dcmmeta_affine": [
      [
        0.7999283075332642,
        0.007365758530795574,
        -0.007775462232530117,
        -78.0680160522461
      ],
      [
        -0.007377616595476866,
        0.7999651432037354,
        -0.001185018802061677,
        -105.37987518310547
      ],
      [
        0.007764212787151337,
        0.0012566180666908622,
        0.7999613285064697,
        -96.0794906616211
      ],
      [
        0.0,
        0.0,
        0.0,
        1.0
      ]
    ],
    "dcmmeta_reorient_transform": [
      [
        0.0,
        0.0,
        -1.0,
        319.0
      ],
      [
        0.0,
        -1.0,
        0.0,
        299.0
      ],
      [
        -1.0,
        0.0,
        0.0,
        191.0
      ],
      [
        0.0,
        0.0,
        0.0,
        1.0
      ]
    ],
    "dcmmeta_shape": [
      192,
      300,
      320
    ],
    "dcmmeta_slice_dim": 0,
    "dcmmeta_version": 0.6,
    "global": {
      "const": {
        "AccessionNumber": "k3ypk7w7",
        "AcquisitionMatrix": [
          0,
          320,
          300,
          0
        ],
        "AcquisitionNumber": 1,
        "AcquisitionTime": "135605.392500",
        "AngioFlag": "N",
        "BitsAllocated": 16,
        "BitsStored": 12,
        "BodyPartExamined": "BRAIN",
        "Columns": 300,
        "EchoNumbers": 1,
        "EchoTime": 2.24,
        "EchoTrainLength": 1,
        "FlipAngle": 8.0,
        "HighBit": 11,
        "ImageOrientationPatient": [
          0.00920719823575,
          0.99995637913566,
          -0.0015707725965,
          -0.0097193278175,
          -0.0014812735162,
          -0.9999516690798
        ],
        "ImageType": [
          "ORIGINAL",
          "PRIMARY",
          "M",
          "ND",
          "NORM"
        ],
        "ImagedNucleus": "1H",
        "ImagingFrequency": 123.190786,
        "InPlanePhaseEncodingDirection": "ROW",
        "InversionTime": 1060.0,
        "MRAcquisitionType": "3D",
        "MagneticFieldStrength": 3.0,
        "Manufacturer": "SIEMENS",
        "ManufacturerModelName": "Prisma",
        "Modality": "MR",
        "NumberOfAverages": 1.0,
        "NumberOfPhaseEncodingSteps": 299,
        "PercentPhaseFieldOfView": 93.75,
        "PercentSampling": 100.0,
        "PerformedProcedureStepStartTime": "131411.677000",
        "PhotometricInterpretation": "MONOCHROME2",
        "PixelBandwidth": 210.0,
        "PixelRepresentation": 0,
        "PixelSpacing": [
          0.80000001192093,
          0.80000001192093
        ],
        "ProtocolName": "T1_MPRAGE",
        "RepetitionTime": 2400.0,
        "Rows": 320,
        "SAR": 0.03728129614182,
        "SamplesPerPixel": 1,
        "ScanOptions": "IR",
        "ScanningSequence": [
          "GR",
          "IR"
        ],
        "SequenceName": "*tfl3d1_16ns",
        "SequenceVariant": [
          "SK",
          "SP",
          "MP"
        ],
        "SeriesDescription": "T1_MPRAGE",
        "SeriesNumber": 21,
        "SeriesTime": "140255.337000",
        "SliceThickness": 0.80000001192093,
        "SmallestImagePixelValue": 0,
        "SoftwareVersions": "syngo MR E11",
        "SpecificCharacterSet": "ISO_IR 100",
        "StudyID": "1",
        "StudyTime": "131411.472000",
        "TransmitCoilName": "Body",
        "VariableFlipAngleFlag": "N",
        "WindowCenterWidthExplanation": "Algo1",
        "dBdt": 0.0
      },
