{
  "AcquisitionMatrixPE": 104,
  "AcquisitionNumber": 1,
  "AcquisitionTime": "13:02:45.577500",
  "BandwidthPerPixelPhaseEncode": 16.578,
  "BaseResolution": 104,
  "BodyPartExamined": "BRAIN",
  "ConsistencyInfo": "N4_VE11C_LATEST_20160120",
  "ConversionSoftware": "dcm2niix",
  "ConversionSoftwareVersion": "v1.0.20190902",
  "DerivedVendorReportedEchoSpacing": 0.000580009,
  "DeviceSerialNumber": "166018",
  "DwellTime": 2.1e-06,
  "EchoTime": 0.037,
  "EchoTrainLength": 104,
  "EffectiveEchoSpacing": 0.000580009,
  "FlipAngle": 68,
  "ImageComments": "Single-band_reference",
  "ImageOrientationPatientDICOM": [0.999487, 0.0261597, -0.018501, -0.0287911, 0.986645, -0.160318],
  "ImageType": [
    "ORIGINAL",
    "PRIMARY",
    "M",
    "ND",
    "MOSAIC"
],
  "ImagingFrequency": 123.191,
  "InPlanePhaseEncodingDirectionDICOM": "COL",
  "InstitutionAddress": "Washington_Place_6_NYC_NYC_US_10003",
  "InstitutionName": "NYU_Center_for_Brain_Imaging",
  "InstitutionalDepartmentName": "Department",
  "MRAcquisitionType": "2D",
  "MagneticFieldStrength": 3,
  "Manufacturer": "Siemens",
  "ManufacturersModelName": "Prisma",
  "Modality": "MR",
  "PartialFourier": 1,
  "PatientPosition": "HFS",
  "PercentPhaseFOV": 100,
  "PhaseEncodingDirection": "j",
  "PhaseEncodingSteps": 104,
  "PhaseResolution": 1,
  "PixelBandwidth": 2290,
  "ProcedureStepDescription": "Investigators_Winawer",
  "ProtocolName": "cmrr_mbepi_s6_2mm_66sl_PA_TR1.0",
  "PulseSequenceDetails": "%CustomerSeq%_cmrr_mbep2d_bold",
  "ReceiveCoilActiveElements": "HC1-7",
  "ReceiveCoilName": "HeadNeck_64",
  "ReconMatrixPE": 104,
  "RepetitionTime": 1,
  "SAR": 0.0625584,
  "ScanOptions": "FS",
  "ScanningSequence": "EP",
  "SequenceName": "epfid2d1_104",
  "SequenceVariant": "SK_SS",
  "SeriesDescription": "cmrr_mbepi_s6_2mm_66sl_PA_TR1.0_SBRef",
  "SeriesNumber": 9,
  "ShimSetting": [257, -12631, -8447, 449, 1, -16, 86, 38],
  "SliceThickness": 2,
  "SliceTiming": [0, 0.0875, 0.1775, 0.265, 0.355, 0.445, 0.5325, 0.6225, 0.7125, 0.8, 0.89, 0.98, 1.0675, 1.1575, 1.245, 1.335, 1.425, 1.5125, 1.6025, 1.6925, 1.78, 1.87, 1.9575, 2.0475, 2.1375, 2.225, 2.315, 2.405, 2.4925, 2.5825, 2.6725, 2.76, 2.85, 2.9375, 3.0275, 3.1175, 3.205, 3.295, 3.385, 3.4725, 3.5625, 3.65, 3.74, 3.83, 3.9175, 4.0075, 4.0975, 4.185, 4.275, 4.365, 4.4525, 4.5425, 4.63, 4.72, 4.81, 4.8975, 4.9875, 5.0775, 5.165, 5.255, 5.3425, 5.4325, 5.5225, 5.61, 5.7, 5.79],
  "SoftwareVersions": "syngo_MR_E11",
  "SpacingBetweenSlices": 2,
  "StationName": "AWP166018",
  "TaskName": "prf",
  "TotalReadoutTime": 0.0597409,
  "TxRefAmp": 214.37,
  "WipMemBlock": "72f3eaf0-b49b-457d-b3d0-501efc8f7122||Sequence: ve11c/master r/ab69a6c; Apr 19 2017 09:47:47 by eja",
  "dcmmeta_affine": [
    [-1.9989731311798096, -0.05758224427700043, -0.02812008000910282, 113.10984802246094],
    [-0.05231931060552597, 1.9732909202575684, -0.32153627276420593, -77.13788604736328],
    [-0.03700193762779236, 0.320635586977005, 1.97378408908844, -64.35639953613281],
    [0.0, 0.0, 0.0, 1.0]
],
  "dcmmeta_reorient_transform": [
    [0.0, -1.0, 0.0, 103.0],
    [1.0, 0.0, 0.0, 0.0],
    [0.0, 0.0, 1.0, 0.0],
    [0.0, 0.0, 0.0, 1.0]
],
  "dcmmeta_shape": [104, 104, 66],
  "dcmmeta_slice_dim": 2,
  "dcmmeta_version": 0.6,
  "global": {
    "const": {
      "AccessionNumber": "j94gwt7u",
      "AcquisitionMatrix": [104, 0, 0, 104],
      "AcquisitionNumber": 1,
      "AcquisitionTime": "130245.577500",
      "AngioFlag": "N",
      "BitsAllocated": 16,
      "BitsStored": 16,
      "BodyPartExamined": "BRAIN",
      "Columns": 936,
      "ContentTime": "130359.984000",
      "EchoNumbers": 1,
      "EchoTime": 37.0,
      "EchoTrainLength": 104,
      "FlipAngle": 68.0,
      "HighBit": 15,
      "ImageOrientationPatient": [0.99948656147083, 0.02615965539129, -0.0185009694077, -0.0287911223546, 0.98664546758569, -0.1603177861816],
      "ImagePositionPatient": [-914.79748492973, -968.76494538722, 117.44626990449],
      "ImageType": [
        "ORIGINAL",
        "PRIMARY",
        "M",
        "ND",
        "MOSAIC"
],
      "ImagedNucleus": "1H",
      "ImagingFrequency": 123.191212,
      "InPlanePhaseEncodingDirection": "COL",
      "InstanceCreationTime": "130359.984000",
      "InstanceNumber": 1,
      "LargestImagePixelValue": 65535,
      "MRAcquisitionType": "2D",
      "MagneticFieldStrength": 3.0,
      "Manufacturer": "SIEMENS",
      "ManufacturerModelName": "Prisma",
      "Modality": "MR",
      "NumberOfAverages": 1.0,
      "NumberOfPhaseEncodingSteps": 104,
      "PercentPhaseFieldOfView": 100.0,
      "PercentSampling": 100.0,
      "PerformedProcedureStepStartTime": "124416.153000",
      "PhotometricInterpretation": "MONOCHROME2",
      "PixelBandwidth": 2290.0,
      "PixelRepresentation": 0,
      "PixelSpacing": [2.0, 2.0],
      "ProtocolName": "cmrr_mbepi_s6_2mm_66sl_PA_TR1.0",
      "RepetitionTime": 1000.0,
      "Rows": 936,
      "SAR": 0.0625584192918,
      "SamplesPerPixel": 1,
      "ScanOptions": "FS",
      "ScanningSequence": "EP",
      "SequenceName": "epfid2d1_104",
      "SequenceVariant": [
        "SK",
        "SS"
],
      "SeriesDescription": "cmrr_mbepi_s6_2mm_66sl_PA_TR1.0_SBRef",
      "SeriesNumber": 9,
      "SeriesTime": "130359.980000",
      "SliceLocation": -52.70183357968,
      "SliceThickness": 2.0,
      "SmallestImagePixelValue": 0,
      "SoftwareVersions": "syngo MR E11",
      "SpacingBetweenSlices": 2.0000000044048,
      "SpecificCharacterSet": "ISO_IR 100",
      "StudyID": "2",
      "StudyTime": "124416.101000",
      "TransmitCoilName": "Body",
      "VariableFlipAngleFlag": "N",
      "WindowCenter": 11950.0,
      "WindowCenterWidthExplanation": "Algo1",
      "WindowWidth": 25775.0,
      "dBdt": 0.0},
    "slices": {}
  }
}